{
  "aor": 0.0015912310606060608,
  "aqi": 0.013312540492424241,
  "bids_meta": {
    "EchoTime": 0.03,
    "EffectiveEchoSpacing": 0.0003740633454,
    "FlipAngle": 83,
    "HardcopyDeviceSoftwareVersion": "syngo MR B17",
    "MagneticFieldStrength": 3,
    "Manufacturer": "Siemens",
    "ManufacturerModelName": "MAGNETOM Verio",
    "PhaseEncodingDirection": "j-",
    "PulseSequenceType": "echo planar",
    "ReceiveCoilName": "32-channel head coil (Siemens AG, Erlangen, Germany)",
    "RepetitionTime": 2.5,
    "SliceEncodingDirection": "k",
    "SliceTiming": [
      2.45,
      2.39,
      2.33,
      2.27,
      2.21,
      2.152,
      2.092,
      2.032,
      1.972,
      1.912,
      1.852,
      1.792,
      1.732,
      1.672,
      1.615,
      1.555,
      1.495,
      1.435,
      1.375,
      1.315,
      1.255,
      1.195,
      1.135,
      1.075,
      1.017,
      0.957,
      0.897,
      0.837,
      0.777,
      0.718,
      0.657,
      0.597,
      0.537,
      0.477,
      0.42,
      0.36,
      0.3,
      0.24,
      0.18,
      0.12,
      0.06,
      0.0
    ],
    "TaskName": "OP",
    "dataset": "ds000168",
    "modality": "bold",
    "subject_id": "33",
    "task_id": "OP"
  },
  "dummy_trs": 0,
  "dvars_nstd": 24.504301462220123,
  "dvars_std": 1.0563216357115752,
  "dvars_vstd": 0.9713771871916501,
  "efc": 0.5807757771237857,
  "fber": 1491.8204345703125,
  "fd_mean": 0.05174687671951052,
  "fd_num": 11,
  "fd_perc": 2.0833333333333335,
  "fwhm_avg": 1.7874782575425598,
  "fwhm_x": 1.7082366666666668,
  "fwhm_y": 1.9175105903124312,
  "fwhm_z": 1.736687515648581,
  "gcor": 0.172434,
  "gsr_x": 0.03686852753162384,
  "gsr_y": 0.03382791578769684,
  "provenance": {
    "md5sum": "c250c2ef176b4d8098064f26a6bc3f82",
    "settings": {
      "fd_thres": 0.2,
      "testing": false
    },
    "software": "mriqc",
    "version": "22.0.6",
    "webapi_port": null,
    "webapi_url": "https://mriqc.nimh.nih.gov/api/v1"
  },
  "size_t": 528,
  "size_x": 64,
  "size_y": 64,
  "size_z": 42,
  "snr": 6.321605983205288,
  "spacing_tr": 2.5,
  "spacing_x": 3.0,
  "spacing_y": 3.000004291534424,
  "spacing_z": 3.000004291534424,
  "summary_bg_k": 8.038447529201143,
  "summary_bg_mad": 18.630807165814993,
  "summary_bg_mean": 52.77126693725586,
  "summary_bg_median": 19.78409194946289,
  "summary_bg_n": 93897.0,
  "summary_bg_p05": 1.9450758695602417,
  "summary_bg_p95": 237.35038146972644,
  "summary_bg_stdv": 78.8440933227539,
  "summary_fg_k": 1.555748171183474,
  "summary_fg_mad": 96.64432690223397,
  "summary_fg_mean": 674.4923095703125,
  "summary_fg_median": 672.2310791015625,
  "summary_fg_n": 40233.0,
  "summary_fg_p05": 501.00493774414065,
  "summary_fg_p95": 841.4500122070314,
  "summary_fg_stdv": 106.33733367919922,
  "tsnr": 41.241631113225594
}