{
  "aor": 0.0007316477272727274,
  "aqi": 0.019219428030303028,
  "bids_meta": {
    "EchoTime": 0.03,
    "EffectiveEchoSpacing": 0.0003740633454,
    "FlipAngle": 83,
    "HardcopyDeviceSoftwareVersion": "syngo MR B17",
    "MagneticFieldStrength": 3,
    "Manufacturer": "Siemens",
    "ManufacturerModelName": "MAGNETOM Verio",
    "PhaseEncodingDirection": "j-",
    "PulseSequenceType": "echo planar",
    "ReceiveCoilName": "32-channel head coil (Siemens AG, Erlangen, Germany)",
    "RepetitionTime": 2.5,
    "SliceEncodingDirection": "k",
    "SliceTiming": [
      2.45,
      2.39,
      2.33,
      2.27,
      2.21,
      2.152,
      2.092,
      2.032,
      1.972,
      1.912,
      1.852,
      1.792,
      1.732,
      1.672,
      1.615,
      1.555,
      1.495,
      1.435,
      1.375,
      1.315,
      1.255,
      1.195,
      1.135,
      1.075,
      1.017,
      0.957,
      0.897,
      0.837,
      0.777,
      0.718,
      0.657,
      0.597,
      0.537,
      0.477,
      0.42,
      0.36,
      0.3,
      0.24,
      0.18,
      0.12,
      0.06,
      0.0
    ],
    "TaskName": "OP",
    "dataset": "ds000168",
    "modality": "bold",
    "subject_id": "28",
    "task_id": "OP"
  },
  "dummy_trs": 0,
  "dvars_nstd": 22.300956440417444,
  "dvars_std": 1.0273558151802653,
  "dvars_vstd": 0.9180709497343453,
  "efc": 0.5381707096661343,
  "fber": 3941.39501953125,
  "fd_mean": 0.04312182025509007,
  "fd_num": 0,
  "fd_perc": 0.0,
  "fwhm_avg": 1.6799333333333335,
  "fwhm_x": 1.5595800000000002,
  "fwhm_y": 1.8083766666666667,
  "fwhm_z": 1.6718433333333333,
  "gcor": 0.0606526,
  "gsr_x": -0.0005348417325876653,
  "gsr_y": 0.02989102527499199,
  "provenance": {
    "md5sum": "e4f54ef2db7a93b0243700d1f7e8bc9c",
    "settings": {
      "fd_thres": 0.2,
      "testing": false
    },
    "software": "mriqc",
    "version": "22.0.6",
    "webapi_port": null,
    "webapi_url": "https://mriqc.nimh.nih.gov/api/v1"
  },
  "size_t": 528,
  "size_x": 64,
  "size_y": 64,
  "size_z": 42,
  "snr": 7.1219410969226065,
  "spacing_tr": 2.5,
  "spacing_x": 3.0,
  "spacing_y": 3.0,
  "spacing_z": 3.0,
  "summary_bg_k": 31.396103114793625,
  "summary_bg_mad": 8.15431220178081,
  "summary_bg_mean": 25.064170837402344,
  "summary_bg_median": 10.159090995788574,
  "summary_bg_n": 96854.0,
  "summary_bg_p05": 3.0303030014038086,
  "summary_bg_p95": 95.38286514282211,
  "summary_bg_stdv": 45.9923210144043,
  "summary_fg_k": 2.415010401821206,
  "summary_fg_mad": 75.063750353346,
  "summary_fg_mean": 578.6683959960938,
  "summary_fg_median": 571.9356079101562,
  "summary_fg_n": 37714.0,
  "summary_fg_p05": 467.93250579833983,
  "summary_fg_p95": 709.1037139892578,
  "summary_fg_stdv": 80.3050765991211,
  "tsnr": 47.895574836060405
}