{
  "aor": 0.0009758901515151515,
  "aqi": 0.013206226174242424,
  "bids_meta": {
    "EchoTime": 0.03,
    "EffectiveEchoSpacing": 0.0003740633454,
    "FlipAngle": 83,
    "HardcopyDeviceSoftwareVersion": "syngo MR B17",
    "MagneticFieldStrength": 3,
    "Manufacturer": "Siemens",
    "ManufacturerModelName": "MAGNETOM Verio",
    "PhaseEncodingDirection": "j-",
    "PulseSequenceType": "echo planar",
    "ReceiveCoilName": "32-channel head coil (Siemens AG, Erlangen, Germany)",
    "RepetitionTime": 2.5,
    "SliceEncodingDirection": "k",
    "SliceTiming": [
      2.45,
      2.39,
      2.33,
      2.27,
      2.21,
      2.152,
      2.092,
      2.032,
      1.972,
      1.912,
      1.852,
      1.792,
      1.732,
      1.672,
      1.615,
      1.555,
      1.495,
      1.435,
      1.375,
      1.315,
      1.255,
      1.195,
      1.135,
      1.075,
      1.017,
      0.957,
      0.897,
      0.837,
      0.777,
      0.718,
      0.657,
      0.597,
      0.537,
      0.477,
      0.42,
      0.36,
      0.3,
      0.24,
      0.18,
      0.12,
      0.06,
      0.0
    ],
    "TaskName": "OP",
    "dataset": "ds000168",
    "modality": "bold",
    "subject_id": "02",
    "task_id": "OP"
  },
  "dummy_trs": 0,
  "dvars_nstd": 22.322708947741923,
  "dvars_std": 1.0772246186337764,
  "dvars_vstd": 0.9703592647248581,
  "efc": 0.559119082885115,
  "fber": 2610.534912109375,
  "fd_mean": 0.04472245896763113,
  "fd_num": 0,
  "fd_perc": 0.0,
  "fwhm_avg": 1.8463592948234897,
  "fwhm_x": 1.7300466666666667,
  "fwhm_y": 2.0714937033711545,
  "fwhm_z": 1.7375375144326481,
  "gcor": 0.096902,
  "gsr_x": 0.005277006421238184,
  "gsr_y": 0.02633315697312355,
  "provenance": {
    "md5sum": "4a2f415cac8480a6df60bdcd24016365",
    "settings": {
      "fd_thres": 0.2,
      "testing": false
    },
    "software": "mriqc",
    "version": "22.0.6",
    "webapi_port": null,
    "webapi_url": "https://mriqc.nimh.nih.gov/api/v1"
  },
  "size_t": 528,
  "size_x": 64,
  "size_y": 64,
  "size_z": 42,
  "snr": 6.193550483632642,
  "spacing_tr": 2.5,
  "spacing_x": 3.0,
  "spacing_y": 3.000004291534424,
  "spacing_z": 3.000004291534424,
  "summary_bg_k": 37.53123239329398,
  "summary_bg_mad": 13.228294386299314,
  "summary_bg_mean": 32.11216354370117,
  "summary_bg_median": 14.857954978942871,
  "summary_bg_n": 93171.0,
  "summary_bg_p05": 3.3598484992980957,
  "summary_bg_p95": 117.04640579223633,
  "summary_bg_stdv": 52.897701263427734,
  "summary_fg_k": 2.1663153687087258,
  "summary_fg_mad": 97.4768880418434,
  "summary_fg_mean": 660.6585083007812,
  "summary_fg_median": 654.9356079101562,
  "summary_fg_n": 40464.0,
  "summary_fg_p05": 499.73770599365236,
  "summary_fg_p95": 822.6218780517578,
  "summary_fg_stdv": 105.74346923828125,
  "tsnr": 46.10551607608795
}