{
  "aor": 0.0013397159090909089,
  "aqi": 0.013795385492424242,
  "bids_meta": {
    "EchoTime": 0.03,
    "EffectiveEchoSpacing": 0.0003740633454,
    "FlipAngle": 83,
    "HardcopyDeviceSoftwareVersion": "syngo MR B17",
    "MagneticFieldStrength": 3,
    "Manufacturer": "Siemens",
    "ManufacturerModelName": "MAGNETOM Verio",
    "PhaseEncodingDirection": "j-",
    "PulseSequenceType": "echo planar",
    "ReceiveCoilName": "32-channel head coil (Siemens AG, Erlangen, Germany)",
    "RepetitionTime": 2.5,
    "SliceEncodingDirection": "k",
    "SliceTiming": [
      2.45,
      2.39,
      2.33,
      2.27,
      2.21,
      2.152,
      2.092,
      2.032,
      1.972,
      1.912,
      1.852,
      1.792,
      1.732,
      1.672,
      1.615,
      1.555,
      1.495,
      1.435,
      1.375,
      1.315,
      1.255,
      1.195,
      1.135,
      1.075,
      1.017,
      0.957,
      0.897,
      0.837,
      0.777,
      0.718,
      0.657,
      0.597,
      0.537,
      0.477,
      0.42,
      0.36,
      0.3,
      0.24,
      0.18,
      0.12,
      0.06,
      0.0
    ],
    "TaskName": "OP",
    "dataset": "ds000168",
    "modality": "bold",
    "subject_id": "26",
    "task_id": "OP"
  },
  "dummy_trs": 0,
  "dvars_nstd": 25.27720510351046,
  "dvars_std": 1.1040827840417458,
  "dvars_vstd": 0.9506259767362425,
  "efc": 0.5349843636660004,
  "fber": 4398.18310546875,
  "fd_mean": 0.044962847000614044,
  "fd_num": 0,
  "fd_perc": 0.0,
  "fwhm_avg": 1.6184894763355633,
  "fwhm_x": 1.5608566666666668,
  "fwhm_y": 1.7459791674522556,
  "fwhm_z": 1.5486325948877677,
  "gcor": 0.0110233,
  "gsr_x": 0.012545917183160782,
  "gsr_y": 0.028225457295775414,
  "provenance": {
    "md5sum": "c68735ac1011aa39ea86a7e632320135",
    "settings": {
      "fd_thres": 0.2,
      "testing": false
    },
    "software": "mriqc",
    "version": "22.0.6",
    "webapi_port": null,
    "webapi_url": "https://mriqc.nimh.nih.gov/api/v1"
  },
  "size_t": 528,
  "size_x": 64,
  "size_y": 64,
  "size_z": 42,
  "snr": 6.109740495791088,
  "spacing_tr": 2.5,
  "spacing_x": 3.0,
  "spacing_y": 3.0000014305114746,
  "spacing_z": 3.0000014305114746,
  "summary_bg_k": 30.00660367503103,
  "summary_bg_mad": 7.04797662678015,
  "summary_bg_mean": 23.58722496032715,
  "summary_bg_median": 9.626893997192383,
  "summary_bg_n": 96372.0,
  "summary_bg_p05": 3.589015245437622,
  "summary_bg_p95": 84.35843238830563,
  "summary_bg_stdv": 44.29751205444336,
  "summary_fg_k": 0.5050749705335384,
  "summary_fg_mad": 103.10826987539633,
  "summary_fg_mean": 588.9478149414062,
  "summary_fg_median": 586.04736328125,
  "summary_fg_n": 38361.0,
  "summary_fg_p05": 450.5890197753906,
  "summary_fg_p95": 745.7235107421875,
  "summary_fg_stdv": 95.9189224243164,
  "tsnr": 48.4979842689354
}