{
  "aor": 0.0013489015151515152,
  "aqi": 0.014369970738636363,
  "bids_meta": {
    "EchoTime": 0.03,
    "EffectiveEchoSpacing": 0.0003740633454,
    "FlipAngle": 83,
    "HardcopyDeviceSoftwareVersion": "syngo MR B17",
    "MagneticFieldStrength": 3,
    "Manufacturer": "Siemens",
    "ManufacturerModelName": "MAGNETOM Verio",
    "PhaseEncodingDirection": "j-",
    "PulseSequenceType": "echo planar",
    "ReceiveCoilName": "32-channel head coil (Siemens AG, Erlangen, Germany)",
    "RepetitionTime": 2.5,
    "SliceEncodingDirection": "k",
    "SliceTiming": [
      2.45,
      2.39,
      2.33,
      2.27,
      2.21,
      2.152,
      2.092,
      2.032,
      1.972,
      1.912,
      1.852,
      1.792,
      1.732,
      1.672,
      1.615,
      1.555,
      1.495,
      1.435,
      1.375,
      1.315,
      1.255,
      1.195,
      1.135,
      1.075,
      1.017,
      0.957,
      0.897,
      0.837,
      0.777,
      0.718,
      0.657,
      0.597,
      0.537,
      0.477,
      0.42,
      0.36,
      0.3,
      0.24,
      0.18,
      0.12,
      0.06,
      0.0
    ],
    "TaskName": "OP",
    "dataset": "ds000168",
    "modality": "bold",
    "subject_id": "35",
    "task_id": "OP"
  },
  "dummy_trs": 0,
  "dvars_nstd": 25.802228992694523,
  "dvars_std": 1.1216039757305498,
  "dvars_vstd": 0.9727790714041747,
  "efc": 0.5355915657202407,
  "fber": 2293.31494140625,
  "fd_mean": 0.05429403758741078,
  "fd_num": 1,
  "fd_perc": 0.1893939393939394,
  "fwhm_avg": 1.777276231153034,
  "fwhm_x": 1.68855,
  "fwhm_y": 1.96610776043211,
  "fwhm_z": 1.6771709330269917,
  "gcor": 0.164681,
  "gsr_x": 0.001683940994553268,
  "gsr_y": 0.02205752581357956,
  "provenance": {
    "md5sum": "c8d9f37e6eba530c2cdca682c825dfdb",
    "settings": {
      "fd_thres": 0.2,
      "testing": false
    },
    "software": "mriqc",
    "version": "22.0.6",
    "webapi_port": null,
    "webapi_url": "https://mriqc.nimh.nih.gov/api/v1"
  },
  "size_t": 528,
  "size_x": 64,
  "size_y": 64,
  "size_z": 42,
  "snr": 7.0617288653259624,
  "spacing_tr": 2.5,
  "spacing_x": 3.0,
  "spacing_y": 2.9999983310699463,
  "spacing_z": 2.9999983310699463,
  "summary_bg_k": 23.322241779496043,
  "summary_bg_mad": 10.378215529539213,
  "summary_bg_mean": 27.175521850585938,
  "summary_bg_median": 13.626893997192383,
  "summary_bg_n": 98677.0,
  "summary_bg_p05": 3.49962124824524,
  "summary_bg_p95": 96.1715942382812,
  "summary_bg_stdv": 40.45017623901367,
  "summary_fg_k": 1.757947959506727,
  "summary_fg_mad": 81.02641921826789,
  "summary_fg_mean": 606.8471069335938,
  "summary_fg_median": 606.2254028320312,
  "summary_fg_n": 35981.0,
  "summary_fg_p05": 467.65911865234375,
  "summary_fg_p95": 736.914794921875,
  "summary_fg_stdv": 85.84540557861328,
  "tsnr": 47.42061379249208
}