{
  "aor": 0.0010345643939393939,
  "aqi": 0.014477533049242425,
  "bids_meta": {
    "EchoTime": 0.03,
    "EffectiveEchoSpacing": 0.0003740633454,
    "FlipAngle": 83,
    "HardcopyDeviceSoftwareVersion": "syngo MR B17",
    "MagneticFieldStrength": 3,
    "Manufacturer": "Siemens",
    "ManufacturerModelName": "MAGNETOM Verio",
    "PhaseEncodingDirection": "j-",
    "PulseSequenceType": "echo planar",
    "ReceiveCoilName": "32-channel head coil (Siemens AG, Erlangen, Germany)",
    "RepetitionTime": 2.5,
    "SliceEncodingDirection": "k",
    "SliceTiming": [
      2.45,
      2.39,
      2.33,
      2.27,
      2.21,
      2.152,
      2.092,
      2.032,
      1.972,
      1.912,
      1.852,
      1.792,
      1.732,
      1.672,
      1.615,
      1.555,
      1.495,
      1.435,
      1.375,
      1.315,
      1.255,
      1.195,
      1.135,
      1.075,
      1.017,
      0.957,
      0.897,
      0.837,
      0.777,
      0.718,
      0.657,
      0.597,
      0.537,
      0.477,
      0.42,
      0.36,
      0.3,
      0.24,
      0.18,
      0.12,
      0.06,
      0.0
    ],
    "TaskName": "OP",
    "dataset": "ds000168",
    "modality": "bold",
    "subject_id": "48",
    "task_id": "OP"
  },
  "dummy_trs": 0,
  "dvars_nstd": 24.184361010796966,
  "dvars_std": 1.0514540196584432,
  "dvars_vstd": 0.946672095787476,
  "efc": 0.5962481994914353,
  "fber": 1637.2864990234375,
  "fd_mean": 0.04275722896080315,
  "fd_num": 6,
  "fd_perc": 1.1363636363636365,
  "fwhm_avg": 1.7507082790256323,
  "fwhm_x": 1.6429799999999999,
  "fwhm_y": 1.9311039042003728,
  "fwhm_z": 1.678040932876524,
  "gcor": 0.0279096,
  "gsr_x": 0.035820551216602325,
  "gsr_y": 0.04524409398436546,
  "provenance": {
    "md5sum": "dc4bbb788b04a15fb652208ad5572629",
    "settings": {
      "fd_thres": 0.2,
      "testing": false
    },
    "software": "mriqc",
    "version": "22.0.6",
    "webapi_port": null,
    "webapi_url": "https://mriqc.nimh.nih.gov/api/v1"
  },
  "size_t": 528,
  "size_x": 64,
  "size_y": 64,
  "size_z": 42,
  "snr": 5.989495783764906,
  "spacing_tr": 2.5,
  "spacing_x": 3.0,
  "spacing_y": 3.000004291534424,
  "spacing_z": 3.000004291534424,
  "summary_bg_k": 13.189081708134097,
  "summary_bg_mad": 19.522332996890118,
  "summary_bg_mean": 51.185699462890625,
  "summary_bg_median": 20.000946044921875,
  "summary_bg_n": 88654.0,
  "summary_bg_p05": 4.0757575035095215,
  "summary_bg_p95": 225.30729217529273,
  "summary_bg_stdv": 78.8132095336914,
  "summary_fg_k": 1.1417772801966217,
  "summary_fg_mad": 111.0800620164639,
  "summary_fg_mean": 707.6058349609375,
  "summary_fg_median": 699.275634765625,
  "summary_fg_n": 44276.0,
  "summary_fg_p05": 531.1841888427734,
  "summary_fg_p95": 900.7277679443359,
  "summary_fg_stdv": 116.74901580810547,
  "tsnr": 44.46361141523812
}