{
  "aor": 0.0010429166666666666,
  "aqi": 0.008426863428030304,
  "bids_meta": {
    "EchoTime": 0.03,
    "EffectiveEchoSpacing": 0.0003740633454,
    "FlipAngle": 83,
    "HardcopyDeviceSoftwareVersion": "syngo MR B17",
    "MagneticFieldStrength": 3,
    "Manufacturer": "Siemens",
    "ManufacturerModelName": "MAGNETOM Verio",
    "PhaseEncodingDirection": "j-",
    "PulseSequenceType": "echo planar",
    "ReceiveCoilName": "32-channel head coil (Siemens AG, Erlangen, Germany)",
    "RepetitionTime": 2.5,
    "SliceEncodingDirection": "k",
    "SliceTiming": [
      2.45,
      2.39,
      2.33,
      2.27,
      2.21,
      2.152,
      2.092,
      2.032,
      1.972,
      1.912,
      1.852,
      1.792,
      1.732,
      1.672,
      1.615,
      1.555,
      1.495,
      1.435,
      1.375,
      1.315,
      1.255,
      1.195,
      1.135,
      1.075,
      1.017,
      0.957,
      0.897,
      0.837,
      0.777,
      0.718,
      0.657,
      0.597,
      0.537,
      0.477,
      0.42,
      0.36,
      0.3,
      0.24,
      0.18,
      0.12,
      0.06,
      0.0
    ],
    "TaskName": "OP",
    "dataset": "ds000168",
    "modality": "bold",
    "subject_id": "13",
    "task_id": "OP"
  },
  "dummy_trs": 0,
  "dvars_nstd": 22.13189282504744,
  "dvars_std": 1.0978194233586338,
  "dvars_vstd": 1.009459943548388,
  "efc": 0.5749062386430536,
  "fber": 2331.903076171875,
  "fd_mean": 0.04916660818633737,
  "fd_num": 5,
  "fd_perc": 0.946969696969697,
  "fwhm_avg": 1.6450752464485605,
  "fwhm_x": 1.5713766666666666,
  "fwhm_y": 1.7571345901339301,
  "fwhm_z": 1.6067144825450852,
  "gcor": 0.019785,
  "gsr_x": 0.022197572514414787,
  "gsr_y": 0.033000268042087555,
  "provenance": {
    "md5sum": "2421a92f0ef749ec2adb15c11ba4f4ee",
    "settings": {
      "fd_thres": 0.2,
      "testing": false
    },
    "software": "mriqc",
    "version": "22.0.6",
    "webapi_port": null,
    "webapi_url": "https://mriqc.nimh.nih.gov/api/v1"
  },
  "size_t": 528,
  "size_x": 64,
  "size_y": 64,
  "size_z": 42,
  "snr": 6.388312790942256,
  "spacing_tr": 2.5,
  "spacing_x": 3.0,
  "spacing_y": 2.999997854232788,
  "spacing_z": 2.999997854232788,
  "summary_bg_k": 43.57163515677161,
  "summary_bg_mad": 13.798310440435264,
  "summary_bg_mean": 35.13173294067383,
  "summary_bg_median": 14.962121963500977,
  "summary_bg_n": 90700.0,
  "summary_bg_p05": 3.8977274894714355,
  "summary_bg_p95": 131.88343582153325,
  "summary_bg_stdv": 56.69887924194336,
  "summary_fg_k": 1.52354717132443,
  "summary_fg_mad": 97.1918870843737,
  "summary_fg_mean": 636.4376220703125,
  "summary_fg_median": 629.2594604492188,
  "summary_fg_n": 42887.0,
  "summary_fg_p05": 498.07615356445314,
  "summary_fg_p95": 800.1931762695312,
  "summary_fg_stdv": 98.50051879882812,
  "tsnr": 58.498759287642315
}