{
  "aor": 0.0005541477272727273,
  "aqi": 0.015589114772727276,
  "bids_meta": {
    "EchoTime": 0.03,
    "EffectiveEchoSpacing": 0.0003740633454,
    "FlipAngle": 83,
    "HardcopyDeviceSoftwareVersion": "syngo MR B17",
    "MagneticFieldStrength": 3,
    "Manufacturer": "Siemens",
    "ManufacturerModelName": "MAGNETOM Verio",
    "PhaseEncodingDirection": "j-",
    "PulseSequenceType": "echo planar",
    "ReceiveCoilName": "32-channel head coil (Siemens AG, Erlangen, Germany)",
    "RepetitionTime": 2.5,
    "SliceEncodingDirection": "k",
    "SliceTiming": [
      2.45,
      2.39,
      2.33,
      2.27,
      2.21,
      2.152,
      2.092,
      2.032,
      1.972,
      1.912,
      1.852,
      1.792,
      1.732,
      1.672,
      1.615,
      1.555,
      1.495,
      1.435,
      1.375,
      1.315,
      1.255,
      1.195,
      1.135,
      1.075,
      1.017,
      0.957,
      0.897,
      0.837,
      0.777,
      0.718,
      0.657,
      0.597,
      0.537,
      0.477,
      0.42,
      0.36,
      0.3,
      0.24,
      0.18,
      0.12,
      0.06,
      0.0
    ],
    "TaskName": "OP",
    "dataset": "ds000168",
    "modality": "bold",
    "subject_id": "06",
    "task_id": "OP"
  },
  "dummy_trs": 0,
  "dvars_nstd": 22.891413704895633,
  "dvars_std": 1.0834650982352931,
  "dvars_vstd": 0.9411428023908915,
  "efc": 0.5617448558083165,
  "fber": 3245.950439453125,
  "fd_mean": 0.04563355686593043,
  "fd_num": 5,
  "fd_perc": 0.946969696969697,
  "fwhm_avg": 1.7330605199493812,
  "fwhm_x": 1.6292566666666666,
  "fwhm_y": 1.938323893872095,
  "fwhm_z": 1.6316009993093816,
  "gcor": 0.0146367,
  "gsr_x": 0.0033090675715357065,
  "gsr_y": 0.0366048626601696,
  "provenance": {
    "md5sum": "c4a9067ac76ce2a90593763191900acf",
    "settings": {
      "fd_thres": 0.2,
      "testing": false
    },
    "software": "mriqc",
    "version": "22.0.6",
    "webapi_port": null,
    "webapi_url": "https://mriqc.nimh.nih.gov/api/v1"
  },
  "size_t": 528,
  "size_x": 64,
  "size_y": 64,
  "size_z": 42,
  "snr": 6.798895143435796,
  "spacing_tr": 2.5,
  "spacing_x": 3.0,
  "spacing_y": 3.000004291534424,
  "spacing_z": 3.000004291534424,
  "summary_bg_k": 18.604514286856215,
  "summary_bg_mad": 10.187274870307302,
  "summary_bg_mean": 35.584659576416016,
  "summary_bg_median": 11.98863697052002,
  "summary_bg_n": 94829.0,
  "summary_bg_p05": 3.4553030967712415,
  "summary_bg_p95": 158.3261413574216,
  "summary_bg_stdv": 61.24180603027344,
  "summary_fg_k": 2.078296745301455,
  "summary_fg_mad": 83.58875835518222,
  "summary_fg_mean": 618.1865844726562,
  "summary_fg_median": 614.8267211914062,
  "summary_fg_n": 39848.0,
  "summary_fg_p05": 479.264599609375,
  "summary_fg_p95": 759.7077850341799,
  "summary_fg_stdv": 90.42925262451172,
  "tsnr": 50.04488127492368
}