{
  "aor": 0.001602689393939394,
  "aqi": 0.011890280776515149,
  "bids_meta": {
    "EchoTime": 0.03,
    "EffectiveEchoSpacing": 0.0003740633454,
    "FlipAngle": 83,
    "HardcopyDeviceSoftwareVersion": "syngo MR B17",
    "MagneticFieldStrength": 3,
    "Manufacturer": "Siemens",
    "ManufacturerModelName": "MAGNETOM Verio",
    "PhaseEncodingDirection": "j-",
    "PulseSequenceType": "echo planar",
    "ReceiveCoilName": "32-channel head coil (Siemens AG, Erlangen, Germany)",
    "RepetitionTime": 2.5,
    "SliceEncodingDirection": "k",
    "SliceTiming": [
      2.45,
      2.39,
      2.33,
      2.27,
      2.21,
      2.152,
      2.092,
      2.032,
      1.972,
      1.912,
      1.852,
      1.792,
      1.732,
      1.672,
      1.615,
      1.555,
      1.495,
      1.435,
      1.375,
      1.315,
      1.255,
      1.195,
      1.135,
      1.075,
      1.017,
      0.957,
      0.897,
      0.837,
      0.777,
      0.718,
      0.657,
      0.597,
      0.537,
      0.477,
      0.42,
      0.36,
      0.3,
      0.24,
      0.18,
      0.12,
      0.06,
      0.0
    ],
    "TaskName": "OP",
    "dataset": "ds000168",
    "modality": "bold",
    "subject_id": "42",
    "task_id": "OP"
  },
  "dummy_trs": 0,
  "dvars_nstd": 19.924426502295994,
  "dvars_std": 1.0627174818595824,
  "dvars_vstd": 0.9797123427893739,
  "efc": 0.5710128411032401,
  "fber": 3573.5390625,
  "fd_mean": 0.030258399219556104,
  "fd_num": 2,
  "fd_perc": 0.3787878787878788,
  "fwhm_avg": 1.7692177777777778,
  "fwhm_x": 1.6212633333333333,
  "fwhm_y": 1.9509800000000002,
  "fwhm_z": 1.73541,
  "gcor": 0.082971,
  "gsr_x": 0.010271253995597363,
  "gsr_y": 0.047795601189136505,
  "provenance": {
    "md5sum": "528e662610f56cf06c2ba575dbc4f92d",
    "settings": {
      "fd_thres": 0.2,
      "testing": false
    },
    "software": "mriqc",
    "version": "22.0.6",
    "webapi_port": null,
    "webapi_url": "https://mriqc.nimh.nih.gov/api/v1"
  },
  "size_t": 528,
  "size_x": 64,
  "size_y": 64,
  "size_z": 42,
  "snr": 6.135812021703277,
  "spacing_tr": 2.5,
  "spacing_x": 3.0,
  "spacing_y": 3.0,
  "spacing_z": 3.0,
  "summary_bg_k": 24.73431419267986,
  "summary_bg_mad": 12.242700480428297,
  "summary_bg_mean": 37.723960876464844,
  "summary_bg_median": 14.193181991577148,
  "summary_bg_n": 89733.0,
  "summary_bg_p05": 2.876893997192383,
  "summary_bg_p95": 147.64849243164062,
  "summary_bg_stdv": 68.49031829833984,
  "summary_fg_k": 1.6825994019219532,
  "summary_fg_mad": 113.09049741005148,
  "summary_fg_mean": 772.8530883789062,
  "summary_fg_median": 766.07958984375,
  "summary_fg_n": 43915.0,
  "summary_fg_p05": 586.3935852050781,
  "summary_fg_p95": 979.5742919921875,
  "summary_fg_stdv": 124.85240173339844,
  "tsnr": 48.49955341918394
}