{
  "aor": 0.0012350946969696972,
  "aqi": 0.015878008333333336,
  "bids_meta": {
    "EchoTime": 0.03,
    "EffectiveEchoSpacing": 0.0003740633454,
    "FlipAngle": 83,
    "HardcopyDeviceSoftwareVersion": "syngo MR B17",
    "MagneticFieldStrength": 3,
    "Manufacturer": "Siemens",
    "ManufacturerModelName": "MAGNETOM Verio",
    "PhaseEncodingDirection": "j-",
    "PulseSequenceType": "echo planar",
    "ReceiveCoilName": "32-channel head coil (Siemens AG, Erlangen, Germany)",
    "RepetitionTime": 2.5,
    "SliceEncodingDirection": "k",
    "SliceTiming": [
      2.45,
      2.39,
      2.33,
      2.27,
      2.21,
      2.152,
      2.092,
      2.032,
      1.972,
      1.912,
      1.852,
      1.792,
      1.732,
      1.672,
      1.615,
      1.555,
      1.495,
      1.435,
      1.375,
      1.315,
      1.255,
      1.195,
      1.135,
      1.075,
      1.017,
      0.957,
      0.897,
      0.837,
      0.777,
      0.718,
      0.657,
      0.597,
      0.537,
      0.477,
      0.42,
      0.36,
      0.3,
      0.24,
      0.18,
      0.12,
      0.06,
      0.0
    ],
    "TaskName": "OP",
    "dataset": "ds000168",
    "modality": "bold",
    "subject_id": "34",
    "task_id": "OP"
  },
  "dummy_trs": 0,
  "dvars_nstd": 25.84029759066417,
  "dvars_std": 1.1208497480645152,
  "dvars_vstd": 0.9784825593738146,
  "efc": 0.5450869344155018,
  "fber": 3356.54052734375,
  "fd_mean": 0.08155228499619599,
  "fd_num": 20,
  "fd_perc": 3.787878787878788,
  "fwhm_avg": 1.7006688888888888,
  "fwhm_x": 1.5884866666666666,
  "fwhm_y": 1.8581333333333332,
  "fwhm_z": 1.6553866666666668,
  "gcor": 0.132385,
  "gsr_x": -0.000652759918011725,
  "gsr_y": 0.04031592234969139,
  "provenance": {
    "md5sum": "0bad9143555bd8159ab1d3252ab7fcfd",
    "settings": {
      "fd_thres": 0.2,
      "testing": false
    },
    "software": "mriqc",
    "version": "22.0.6",
    "webapi_port": null,
    "webapi_url": "https://mriqc.nimh.nih.gov/api/v1"
  },
  "size_t": 528,
  "size_x": 64,
  "size_y": 64,
  "size_z": 42,
  "snr": 6.795159768344953,
  "spacing_tr": 2.5,
  "spacing_x": 3.0,
  "spacing_y": 3.0,
  "spacing_z": 3.0,
  "summary_bg_k": 35.92219262854643,
  "summary_bg_mad": 9.757656089416058,
  "summary_bg_mean": 29.548128128051758,
  "summary_bg_median": 11.746212005615234,
  "summary_bg_n": 96352.0,
  "summary_bg_p05": 3.365530490875244,
  "summary_bg_p95": 105.77150154113768,
  "summary_bg_stdv": 54.65434646606445,
  "summary_fg_k": 2.087167430767609,
  "summary_fg_mad": 85.81121382921162,
  "summary_fg_mean": 610.0845336914062,
  "summary_fg_median": 604.6666870117188,
  "summary_fg_n": 37807.0,
  "summary_fg_p05": 480.43372497558596,
  "summary_fg_p95": 750.8064453124999,
  "summary_fg_stdv": 88.98373413085938,
  "tsnr": 44.57490694569424
}