{
  "aor": 0.0029732007575757574,
  "aqi": 0.008343997954545455,
  "bids_meta": {
    "EchoTime": 0.03,
    "EffectiveEchoSpacing": 0.0003740633454,
    "FlipAngle": 83,
    "HardcopyDeviceSoftwareVersion": "syngo MR B17",
    "MagneticFieldStrength": 3,
    "Manufacturer": "Siemens",
    "ManufacturerModelName": "MAGNETOM Verio",
    "PhaseEncodingDirection": "j-",
    "PulseSequenceType": "echo planar",
    "ReceiveCoilName": "32-channel head coil (Siemens AG, Erlangen, Germany)",
    "RepetitionTime": 2.5,
    "SliceEncodingDirection": "k",
    "SliceTiming": [
      2.45,
      2.39,
      2.33,
      2.27,
      2.21,
      2.152,
      2.092,
      2.032,
      1.972,
      1.912,
      1.852,
      1.792,
      1.732,
      1.672,
      1.615,
      1.555,
      1.495,
      1.435,
      1.375,
      1.315,
      1.255,
      1.195,
      1.135,
      1.075,
      1.017,
      0.957,
      0.897,
      0.837,
      0.777,
      0.718,
      0.657,
      0.597,
      0.537,
      0.477,
      0.42,
      0.36,
      0.3,
      0.24,
      0.18,
      0.12,
      0.06,
      0.0
    ],
    "TaskName": "OP",
    "dataset": "ds000168",
    "modality": "bold",
    "subject_id": "01",
    "task_id": "OP"
  },
  "dummy_trs": 0,
  "dvars_nstd": 20.522938845901326,
  "dvars_std": 1.104645800872865,
  "dvars_vstd": 1.0311506994876671,
  "efc": 0.5156262582909088,
  "fber": 3360.933837890625,
  "fd_mean": 0.040257258674070824,
  "fd_num": 0,
  "fd_perc": 0.0,
  "fwhm_avg": 1.6561044444444446,
  "fwhm_x": 1.5538666666666667,
  "fwhm_y": 1.7789233333333332,
  "fwhm_z": 1.6355233333333334,
  "gcor": 0.119391,
  "gsr_x": -0.00585014745593071,
  "gsr_y": 0.028570299968123436,
  "provenance": {
    "md5sum": "d4e0742706021d1adde44bb6ce941d40",
    "settings": {
      "fd_thres": 0.2,
      "testing": false
    },
    "software": "mriqc",
    "version": "22.0.6",
    "webapi_port": null,
    "webapi_url": "https://mriqc.nimh.nih.gov/api/v1"
  },
  "size_t": 528,
  "size_x": 64,
  "size_y": 64,
  "size_z": 42,
  "snr": 6.707408576014752,
  "spacing_tr": 2.5,
  "spacing_x": 3.0,
  "spacing_y": 3.0,
  "spacing_z": 3.0,
  "summary_bg_k": 30.674462492600334,
  "summary_bg_mad": 9.471245454048104,
  "summary_bg_mean": 28.35516357421875,
  "summary_bg_median": 12.543560981750488,
  "summary_bg_n": 102172.0,
  "summary_bg_p05": 3.9166667461395264,
  "summary_bg_p95": 101.26922683715816,
  "summary_bg_stdv": 49.10917282104492,
  "summary_fg_k": 1.25776254357773,
  "summary_fg_mad": 94.54394359573168,
  "summary_fg_mean": 654.910888671875,
  "summary_fg_median": 651.1060791015625,
  "summary_fg_n": 33591.0,
  "summary_fg_p05": 510.37879943847656,
  "summary_fg_p95": 814.1761779785156,
  "summary_fg_stdv": 97.07122802734375,
  "tsnr": 55.774135620333254
}