{
  "aor": 0.000294659090909091,
  "aqi": 0.01807489659090909,
  "bids_meta": {
    "EchoTime": 0.03,
    "EffectiveEchoSpacing": 0.0003740633454,
    "FlipAngle": 83,
    "HardcopyDeviceSoftwareVersion": "syngo MR B17",
    "MagneticFieldStrength": 3,
    "Manufacturer": "Siemens",
    "ManufacturerModelName": "MAGNETOM Verio",
    "PhaseEncodingDirection": "j-",
    "PulseSequenceType": "echo planar",
    "ReceiveCoilName": "32-channel head coil (Siemens AG, Erlangen, Germany)",
    "RepetitionTime": 2.5,
    "SliceEncodingDirection": "k",
    "SliceTiming": [
      2.45,
      2.39,
      2.33,
      2.27,
      2.21,
      2.152,
      2.092,
      2.032,
      1.972,
      1.912,
      1.852,
      1.792,
      1.732,
      1.672,
      1.615,
      1.555,
      1.495,
      1.435,
      1.375,
      1.315,
      1.255,
      1.195,
      1.135,
      1.075,
      1.017,
      0.957,
      0.897,
      0.837,
      0.777,
      0.718,
      0.657,
      0.597,
      0.537,
      0.477,
      0.42,
      0.36,
      0.3,
      0.24,
      0.18,
      0.12,
      0.06,
      0.0
    ],
    "TaskName": "OP",
    "dataset": "ds000168",
    "modality": "bold",
    "subject_id": "36",
    "task_id": "OP"
  },
  "dummy_trs": 0,
  "dvars_nstd": 22.558638252466782,
  "dvars_std": 1.0926196703984827,
  "dvars_vstd": 0.916947454762808,
  "efc": 0.5377520253934494,
  "fber": 3862.427734375,
  "fd_mean": 0.03391718310429302,
  "fd_num": 0,
  "fd_perc": 0.0,
  "fwhm_avg": 1.7205799256334713,
  "fwhm_x": 1.60394,
  "fwhm_y": 1.886121648850293,
  "fwhm_z": 1.6716781280501214,
  "gcor": 0.0400309,
  "gsr_x": -0.0010761683806777,
  "gsr_y": 0.04074893519282341,
  "provenance": {
    "md5sum": "d55eb08bcb467f9b98a8a6211325ca5d",
    "settings": {
      "fd_thres": 0.2,
      "testing": false
    },
    "software": "mriqc",
    "version": "22.0.6",
    "webapi_port": null,
    "webapi_url": "https://mriqc.nimh.nih.gov/api/v1"
  },
  "size_t": 528,
  "size_x": 64,
  "size_y": 64,
  "size_z": 42,
  "snr": 6.445862362269474,
  "spacing_tr": 2.5,
  "spacing_x": 3.0,
  "spacing_y": 2.99999737739563,
  "spacing_z": 2.99999737739563,
  "summary_bg_k": 30.17314322240682,
  "summary_bg_mad": 9.912094291816944,
  "summary_bg_mean": 29.69025421142578,
  "summary_bg_median": 12.376893997192383,
  "summary_bg_n": 97057.0,
  "summary_bg_p05": 3.875,
  "summary_bg_p95": 103.59015655517577,
  "summary_bg_stdv": 51.64165496826172,
  "summary_fg_k": 1.4074087072321682,
  "summary_fg_mad": 103.18962115679504,
  "summary_fg_mean": 691.4462890625,
  "summary_fg_median": 686.4318237304688,
  "summary_fg_n": 38119.0,
  "summary_fg_p05": 530.2053405761719,
  "summary_fg_p95": 859.78828125,
  "summary_fg_stdv": 106.4904556274414,
  "tsnr": 44.42577163456008
}