{
  "aor": 0.0028699999999999997,
  "aqi": 0.010791734791666665,
  "bids_meta": {
    "EchoTime": 0.03,
    "EffectiveEchoSpacing": 0.0003740633454,
    "FlipAngle": 83,
    "HardcopyDeviceSoftwareVersion": "syngo MR B17",
    "MagneticFieldStrength": 3,
    "Manufacturer": "Siemens",
    "ManufacturerModelName": "MAGNETOM Verio",
    "PhaseEncodingDirection": "j-",
    "PulseSequenceType": "echo planar",
    "ReceiveCoilName": "32-channel head coil (Siemens AG, Erlangen, Germany)",
    "RepetitionTime": 2.5,
    "SliceEncodingDirection": "k",
    "SliceTiming": [
      2.45,
      2.39,
      2.33,
      2.27,
      2.21,
      2.152,
      2.092,
      2.032,
      1.972,
      1.912,
      1.852,
      1.792,
      1.732,
      1.672,
      1.615,
      1.555,
      1.495,
      1.435,
      1.375,
      1.315,
      1.255,
      1.195,
      1.135,
      1.075,
      1.017,
      0.957,
      0.897,
      0.837,
      0.777,
      0.718,
      0.657,
      0.597,
      0.537,
      0.477,
      0.42,
      0.36,
      0.3,
      0.24,
      0.18,
      0.12,
      0.06,
      0.0
    ],
    "TaskName": "OP",
    "dataset": "ds000168",
    "modality": "bold",
    "subject_id": "15",
    "task_id": "OP"
  },
  "dummy_trs": 0,
  "dvars_nstd": 27.671029631992422,
  "dvars_std": 1.1643693209867176,
  "dvars_vstd": 1.0053308746679301,
  "efc": 0.5216810920270158,
  "fber": 1888.3021240234375,
  "fd_mean": 0.054412162290169014,
  "fd_num": 3,
  "fd_perc": 0.5681818181818182,
  "fwhm_avg": 1.7449069408385647,
  "fwhm_x": 1.7243433333333333,
  "fwhm_y": 1.8633720005458192,
  "fwhm_z": 1.6470054886365415,
  "gcor": 0.159146,
  "gsr_x": 0.013811575248837471,
  "gsr_y": 0.0246038306504488,
  "provenance": {
    "md5sum": "8706974ba5383b7d06c4a6d581227f6e",
    "settings": {
      "fd_thres": 0.2,
      "testing": false
    },
    "software": "mriqc",
    "version": "22.0.6",
    "webapi_port": null,
    "webapi_url": "https://mriqc.nimh.nih.gov/api/v1"
  },
  "size_t": 528,
  "size_x": 64,
  "size_y": 64,
  "size_z": 42,
  "snr": 6.214764557980981,
  "spacing_tr": 2.5,
  "spacing_x": 3.0,
  "spacing_y": 3.000002145767212,
  "spacing_z": 3.000002145767212,
  "summary_bg_k": 42.51637822541726,
  "summary_bg_mad": 13.026120842350492,
  "summary_bg_mean": 31.954315185546875,
  "summary_bg_median": 15.479166984558105,
  "summary_bg_n": 103052.0,
  "summary_bg_p05": 3.194223558902741,
  "summary_bg_p95": 114.05473823547362,
  "summary_bg_stdv": 53.286376953125,
  "summary_fg_k": 1.6022961897413603,
  "summary_fg_mad": 91.53105047652123,
  "summary_fg_mean": 625.6356201171875,
  "summary_fg_median": 620.4318237304688,
  "summary_fg_n": 32833.0,
  "summary_fg_p05": 469.9246398925781,
  "summary_fg_p95": 783.533740234375,
  "summary_fg_stdv": 99.83039093017578,
  "tsnr": 50.07538772246335
}