{
  "aor": 0.0006253030303030303,
  "aqi": 0.007764243143939393,
  "bids_meta": {
    "EchoTime": 0.03,
    "EffectiveEchoSpacing": 0.0003740633454,
    "FlipAngle": 83,
    "HardcopyDeviceSoftwareVersion": "syngo MR B17",
    "MagneticFieldStrength": 3,
    "Manufacturer": "Siemens",
    "ManufacturerModelName": "MAGNETOM Verio",
    "PhaseEncodingDirection": "j-",
    "PulseSequenceType": "echo planar",
    "ReceiveCoilName": "32-channel head coil (Siemens AG, Erlangen, Germany)",
    "RepetitionTime": 2.5,
    "SliceEncodingDirection": "k",
    "SliceTiming": [
      2.45,
      2.39,
      2.33,
      2.27,
      2.21,
      2.152,
      2.092,
      2.032,
      1.972,
      1.912,
      1.852,
      1.792,
      1.732,
      1.672,
      1.615,
      1.555,
      1.495,
      1.435,
      1.375,
      1.315,
      1.255,
      1.195,
      1.135,
      1.075,
      1.017,
      0.957,
      0.897,
      0.837,
      0.777,
      0.718,
      0.657,
      0.597,
      0.537,
      0.477,
      0.42,
      0.36,
      0.3,
      0.24,
      0.18,
      0.12,
      0.06,
      0.0
    ],
    "TaskName": "OP",
    "dataset": "ds000168",
    "modality": "bold",
    "subject_id": "32",
    "task_id": "OP"
  },
  "dummy_trs": 0,
  "dvars_nstd": 22.406818201385207,
  "dvars_std": 1.133147958368122,
  "dvars_vstd": 0.9873391034535104,
  "efc": 0.5627171310178763,
  "fber": 2142.431640625,
  "fd_mean": 0.03722175739779478,
  "fd_num": 0,
  "fd_perc": 0.0,
  "fwhm_avg": 1.796042222222222,
  "fwhm_x": 1.70376,
  "fwhm_y": 1.9648733333333332,
  "fwhm_z": 1.7194933333333333,
  "gcor": 0.0283579,
  "gsr_x": 0.00025808290229178965,
  "gsr_y": 0.032088328152894974,
  "provenance": {
    "md5sum": "7849302f1d6d77389587c8d987a1c9f6",
    "settings": {
      "fd_thres": 0.2,
      "testing": false
    },
    "software": "mriqc",
    "version": "22.0.6",
    "webapi_port": null,
    "webapi_url": "https://mriqc.nimh.nih.gov/api/v1"
  },
  "size_t": 528,
  "size_x": 64,
  "size_y": 64,
  "size_z": 42,
  "snr": 6.1003920244591106,
  "spacing_tr": 2.5,
  "spacing_x": 3.0,
  "spacing_y": 3.0,
  "spacing_z": 3.0,
  "summary_bg_k": 17.816373166802112,
  "summary_bg_mad": 13.817966751510156,
  "summary_bg_mean": 39.520835876464844,
  "summary_bg_median": 15.484848976135254,
  "summary_bg_n": 95339.0,
  "summary_bg_p05": 3.7178032398223877,
  "summary_bg_p95": 166.94413146972582,
  "summary_bg_stdv": 62.64339065551758,
  "summary_fg_k": 1.7187954886900831,
  "summary_fg_mad": 99.44669304016065,
  "summary_fg_mean": 654.6244506835938,
  "summary_fg_median": 649.0823974609375,
  "summary_fg_n": 39276.0,
  "summary_fg_p05": 487.8811721801758,
  "summary_fg_p95": 821.7793884277344,
  "summary_fg_stdv": 106.39875793457031,
  "tsnr": 58.98180021275766
}