{
  "aor": 0.0014021401515151514,
  "aqi": 0.021268013636363638,
  "bids_meta": {
    "EchoTime": 0.03,
    "EffectiveEchoSpacing": 0.0003740633454,
    "FlipAngle": 83,
    "HardcopyDeviceSoftwareVersion": "syngo MR B17",
    "MagneticFieldStrength": 3,
    "Manufacturer": "Siemens",
    "ManufacturerModelName": "MAGNETOM Verio",
    "PhaseEncodingDirection": "j-",
    "PulseSequenceType": "echo planar",
    "ReceiveCoilName": "32-channel head coil (Siemens AG, Erlangen, Germany)",
    "RepetitionTime": 2.5,
    "SliceEncodingDirection": "k",
    "SliceTiming": [
      2.45,
      2.39,
      2.33,
      2.27,
      2.21,
      2.152,
      2.092,
      2.032,
      1.972,
      1.912,
      1.852,
      1.792,
      1.732,
      1.672,
      1.615,
      1.555,
      1.495,
      1.435,
      1.375,
      1.315,
      1.255,
      1.195,
      1.135,
      1.075,
      1.017,
      0.957,
      0.897,
      0.837,
      0.777,
      0.718,
      0.657,
      0.597,
      0.537,
      0.477,
      0.42,
      0.36,
      0.3,
      0.24,
      0.18,
      0.12,
      0.06,
      0.0
    ],
    "TaskName": "OP",
    "dataset": "ds000168",
    "modality": "bold",
    "subject_id": "45",
    "task_id": "OP"
  },
  "dummy_trs": 0,
  "dvars_nstd": 26.692635422220114,
  "dvars_std": 1.0828783717836803,
  "dvars_vstd": 0.9674692562428853,
  "efc": 0.5332475685332101,
  "fber": 1758.6448974609375,
  "fd_mean": 0.05887573029357902,
  "fd_num": 2,
  "fd_perc": 0.3787878787878788,
  "fwhm_avg": 1.7068733333333332,
  "fwhm_x": 1.6853766666666665,
  "fwhm_y": 1.7741833333333332,
  "fwhm_z": 1.66106,
  "gcor": 0.125789,
  "gsr_x": 0.01030556857585907,
  "gsr_y": 0.018624601885676384,
  "provenance": {
    "md5sum": "74ef781580a4008e57691f0547460844",
    "settings": {
      "fd_thres": 0.2,
      "testing": false
    },
    "software": "mriqc",
    "version": "22.0.6",
    "webapi_port": null,
    "webapi_url": "https://mriqc.nimh.nih.gov/api/v1"
  },
  "size_t": 528,
  "size_x": 64,
  "size_y": 64,
  "size_z": 42,
  "snr": 6.37932937725198,
  "spacing_tr": 2.5,
  "spacing_x": 3.0,
  "spacing_y": 3.0,
  "spacing_z": 3.0,
  "summary_bg_k": 30.316161057464292,
  "summary_bg_mad": 13.096320539412588,
  "summary_bg_mean": 29.69110107421875,
  "summary_bg_median": 15.903409957885742,
  "summary_bg_n": 99249.0,
  "summary_bg_p05": 0.2026515156030655,
  "summary_bg_p95": 106.44848632812496,
  "summary_bg_stdv": 46.26914596557617,
  "summary_fg_k": 1.222230585090311,
  "summary_fg_mad": 94.18030608260517,
  "summary_fg_mean": 622.2958984375,
  "summary_fg_median": 613.6051025390625,
  "summary_fg_n": 35912.0,
  "summary_fg_p05": 484.96686096191405,
  "summary_fg_p95": 783.3459564208983,
  "summary_fg_stdv": 96.18511962890625,
  "tsnr": 35.930696508148685
}