{
  "aor": 0.0008703030303030303,
  "aqi": 0.007489412405303031,
  "bids_meta": {
    "EchoTime": 0.03,
    "EffectiveEchoSpacing": 0.0003740633454,
    "FlipAngle": 83,
    "HardcopyDeviceSoftwareVersion": "syngo MR B17",
    "MagneticFieldStrength": 3,
    "Manufacturer": "Siemens",
    "ManufacturerModelName": "MAGNETOM Verio",
    "PhaseEncodingDirection": "j-",
    "PulseSequenceType": "echo planar",
    "ReceiveCoilName": "32-channel head coil (Siemens AG, Erlangen, Germany)",
    "RepetitionTime": 2.5,
    "SliceEncodingDirection": "k",
    "SliceTiming": [
      2.45,
      2.39,
      2.33,
      2.27,
      2.21,
      2.152,
      2.092,
      2.032,
      1.972,
      1.912,
      1.852,
      1.792,
      1.732,
      1.672,
      1.615,
      1.555,
      1.495,
      1.435,
      1.375,
      1.315,
      1.255,
      1.195,
      1.135,
      1.075,
      1.017,
      0.957,
      0.897,
      0.837,
      0.777,
      0.718,
      0.657,
      0.597,
      0.537,
      0.477,
      0.42,
      0.36,
      0.3,
      0.24,
      0.18,
      0.12,
      0.06,
      0.0
    ],
    "TaskName": "OP",
    "dataset": "ds000168",
    "modality": "bold",
    "subject_id": "41",
    "task_id": "OP"
  },
  "dummy_trs": 0,
  "dvars_nstd": 23.769532352182157,
  "dvars_std": 1.2208029051612896,
  "dvars_vstd": 0.9968746837950662,
  "efc": 0.5614426707396696,
  "fber": 3030.136962890625,
  "fd_mean": 0.030094332659179886,
  "fd_num": 0,
  "fd_perc": 0.0,
  "fwhm_avg": 1.6685774935291164,
  "fwhm_x": 1.5376200000000002,
  "fwhm_y": 1.854651326550002,
  "fwhm_z": 1.6134611540373471,
  "gcor": 0.0365106,
  "gsr_x": 0.010777564719319344,
  "gsr_y": 0.0443565659224987,
  "provenance": {
    "md5sum": "d1951dd6203960a2c7652df1f7b94a72",
    "settings": {
      "fd_thres": 0.2,
      "testing": false
    },
    "software": "mriqc",
    "version": "22.0.6",
    "webapi_port": null,
    "webapi_url": "https://mriqc.nimh.nih.gov/api/v1"
  },
  "size_t": 528,
  "size_x": 64,
  "size_y": 64,
  "size_z": 42,
  "snr": 6.442658615757669,
  "spacing_tr": 2.5,
  "spacing_x": 3.0,
  "spacing_y": 2.999997854232788,
  "spacing_z": 2.999997854232788,
  "summary_bg_k": 13.586206601940557,
  "summary_bg_mad": 11.998408390769908,
  "summary_bg_mean": 40.871726989746094,
  "summary_bg_median": 14.27651596069336,
  "summary_bg_n": 94823.0,
  "summary_bg_p05": 4.410984992980957,
  "summary_bg_p95": 175.37462158203124,
  "summary_bg_stdv": 66.34052276611328,
  "summary_fg_k": 1.7963347241689895,
  "summary_fg_mad": 106.05374730534979,
  "summary_fg_mean": 700.2256469726562,
  "summary_fg_median": 699.4867553710938,
  "summary_fg_n": 39807.0,
  "summary_fg_p05": 537.1759582519531,
  "summary_fg_p95": 865.7021301269531,
  "summary_fg_stdv": 108.56977081298828,
  "tsnr": 64.13305020774715
}