{
  "aor": 0.0007042613636363635,
  "aqi": 0.010686331988636362,
  "bids_meta": {
    "EchoTime": 0.03,
    "EffectiveEchoSpacing": 0.0003740633454,
    "FlipAngle": 83,
    "HardcopyDeviceSoftwareVersion": "syngo MR B17",
    "MagneticFieldStrength": 3,
    "Manufacturer": "Siemens",
    "ManufacturerModelName": "MAGNETOM Verio",
    "PhaseEncodingDirection": "j-",
    "PulseSequenceType": "echo planar",
    "ReceiveCoilName": "32-channel head coil (Siemens AG, Erlangen, Germany)",
    "RepetitionTime": 2.5,
    "SliceEncodingDirection": "k",
    "SliceTiming": [
      2.45,
      2.39,
      2.33,
      2.27,
      2.21,
      2.152,
      2.092,
      2.032,
      1.972,
      1.912,
      1.852,
      1.792,
      1.732,
      1.672,
      1.615,
      1.555,
      1.495,
      1.435,
      1.375,
      1.315,
      1.255,
      1.195,
      1.135,
      1.075,
      1.017,
      0.957,
      0.897,
      0.837,
      0.777,
      0.718,
      0.657,
      0.597,
      0.537,
      0.477,
      0.42,
      0.36,
      0.3,
      0.24,
      0.18,
      0.12,
      0.06,
      0.0
    ],
    "TaskName": "OP",
    "dataset": "ds000168",
    "modality": "bold",
    "subject_id": "14",
    "task_id": "OP"
  },
  "dummy_trs": 0,
  "dvars_nstd": 23.289573477722964,
  "dvars_std": 1.2302508503605312,
  "dvars_vstd": 0.9813159674952567,
  "efc": 0.5299103497164468,
  "fber": 4021.543701171875,
  "fd_mean": 0.0338783961473124,
  "fd_num": 0,
  "fd_perc": 0.0,
  "fwhm_avg": 1.66719,
  "fwhm_x": 1.5786766666666667,
  "fwhm_y": 1.8372233333333332,
  "fwhm_z": 1.5856700000000001,
  "gcor": 0.113039,
  "gsr_x": -0.0107362549751997,
  "gsr_y": 0.03334900736808777,
  "provenance": {
    "md5sum": "dbef9462354716886060bdad0ed3ab61",
    "settings": {
      "fd_thres": 0.2,
      "testing": false
    },
    "software": "mriqc",
    "version": "22.0.6",
    "webapi_port": null,
    "webapi_url": "https://mriqc.nimh.nih.gov/api/v1"
  },
  "size_t": 528,
  "size_x": 64,
  "size_y": 64,
  "size_z": 42,
  "snr": 7.245075860784704,
  "spacing_tr": 2.5,
  "spacing_x": 3.0,
  "spacing_y": 3.0,
  "spacing_z": 3.0,
  "summary_bg_k": 43.77606997299658,
  "summary_bg_mad": 8.957388874777898,
  "summary_bg_mean": 30.921897888183594,
  "summary_bg_median": 11.331439971923828,
  "summary_bg_n": 99898.0,
  "summary_bg_p05": 3.280019140243531,
  "summary_bg_p95": 121.0592834472656,
  "summary_bg_stdv": 61.8671989440918,
  "summary_fg_k": 2.2056892106057857,
  "summary_fg_mad": 80.71056087819869,
  "summary_fg_mean": 670.5421752929688,
  "summary_fg_median": 662.5833740234375,
  "summary_fg_n": 35956.0,
  "summary_fg_p05": 536.8030700683594,
  "summary_fg_p95": 821.7343902587891,
  "summary_fg_stdv": 91.45165252685547,
  "tsnr": 60.45693286694586
}