{
  "aor": 0.0009372537878787879,
  "aqi": 0.009226719772727272,
  "bids_meta": {
    "EchoTime": 0.03,
    "EffectiveEchoSpacing": 0.0003740633454,
    "FlipAngle": 83,
    "HardcopyDeviceSoftwareVersion": "syngo MR B17",
    "MagneticFieldStrength": 3,
    "Manufacturer": "Siemens",
    "ManufacturerModelName": "MAGNETOM Verio",
    "PhaseEncodingDirection": "j-",
    "PulseSequenceType": "echo planar",
    "ReceiveCoilName": "32-channel head coil (Siemens AG, Erlangen, Germany)",
    "RepetitionTime": 2.5,
    "SliceEncodingDirection": "k",
    "SliceTiming": [
      2.45,
      2.39,
      2.33,
      2.27,
      2.21,
      2.152,
      2.092,
      2.032,
      1.972,
      1.912,
      1.852,
      1.792,
      1.732,
      1.672,
      1.615,
      1.555,
      1.495,
      1.435,
      1.375,
      1.315,
      1.255,
      1.195,
      1.135,
      1.075,
      1.017,
      0.957,
      0.897,
      0.837,
      0.777,
      0.718,
      0.657,
      0.597,
      0.537,
      0.477,
      0.42,
      0.36,
      0.3,
      0.24,
      0.18,
      0.12,
      0.06,
      0.0
    ],
    "TaskName": "OP",
    "dataset": "ds000168",
    "modality": "bold",
    "subject_id": "29",
    "task_id": "OP"
  },
  "dummy_trs": 0,
  "dvars_nstd": 24.432539250398502,
  "dvars_std": 1.287063475996204,
  "dvars_vstd": 0.9917627463757112,
  "efc": 0.5567089750852313,
  "fber": 2788.076416015625,
  "fd_mean": 0.030103287722893907,
  "fd_num": 0,
  "fd_perc": 0.0,
  "fwhm_avg": 1.6679322222222221,
  "fwhm_x": 1.52314,
  "fwhm_y": 1.8449499999999999,
  "fwhm_z": 1.6357066666666666,
  "gcor": 0.0435103,
  "gsr_x": 0.003997787367552519,
  "gsr_y": 0.04012288898229599,
  "provenance": {
    "md5sum": "c034972a4218f1240da4c58e6833bf60",
    "settings": {
      "fd_thres": 0.2,
      "testing": false
    },
    "software": "mriqc",
    "version": "22.0.6",
    "webapi_port": null,
    "webapi_url": "https://mriqc.nimh.nih.gov/api/v1"
  },
  "size_t": 528,
  "size_x": 64,
  "size_y": 64,
  "size_z": 42,
  "snr": 6.668437320985309,
  "spacing_tr": 2.5,
  "spacing_x": 3.0,
  "spacing_y": 3.0,
  "spacing_z": 3.0,
  "summary_bg_k": 15.35235156213599,
  "summary_bg_mad": 12.209005361076713,
  "summary_bg_mean": 40.6816520690918,
  "summary_bg_median": 14.655303001403809,
  "summary_bg_n": 96385.0,
  "summary_bg_p05": 4.196969985961914,
  "summary_bg_p95": 174.0966033935547,
  "summary_bg_stdv": 66.7977066040039,
  "summary_fg_k": 1.6459058237525523,
  "summary_fg_mad": 103.54344041182172,
  "summary_fg_mean": 734.1898193359375,
  "summary_fg_median": 730.5208740234375,
  "summary_fg_n": 38573.0,
  "summary_fg_p05": 567.56669921875,
  "summary_fg_p95": 908.3253906250001,
  "summary_fg_stdv": 109.54761505126953,
  "tsnr": 59.75497045600787
}