{
  "aor": 0.0007345454545454545,
  "aqi": 0.006078712386363636,
  "bids_meta": {
    "EchoTime": 0.03,
    "EffectiveEchoSpacing": 0.0003740633454,
    "FlipAngle": 83,
    "HardcopyDeviceSoftwareVersion": "syngo MR B17",
    "MagneticFieldStrength": 3,
    "Manufacturer": "Siemens",
    "ManufacturerModelName": "MAGNETOM Verio",
    "PhaseEncodingDirection": "j-",
    "PulseSequenceType": "echo planar",
    "ReceiveCoilName": "32-channel head coil (Siemens AG, Erlangen, Germany)",
    "RepetitionTime": 2.5,
    "SliceEncodingDirection": "k",
    "SliceTiming": [
      2.45,
      2.39,
      2.33,
      2.27,
      2.21,
      2.152,
      2.092,
      2.032,
      1.972,
      1.912,
      1.852,
      1.792,
      1.732,
      1.672,
      1.615,
      1.555,
      1.495,
      1.435,
      1.375,
      1.315,
      1.255,
      1.195,
      1.135,
      1.075,
      1.017,
      0.957,
      0.897,
      0.837,
      0.777,
      0.718,
      0.657,
      0.597,
      0.537,
      0.477,
      0.42,
      0.36,
      0.3,
      0.24,
      0.18,
      0.12,
      0.06,
      0.0
    ],
    "TaskName": "OP",
    "dataset": "ds000168",
    "modality": "bold",
    "subject_id": "31",
    "task_id": "OP"
  },
  "dummy_trs": 0,
  "dvars_nstd": 24.330889649373805,
  "dvars_std": 1.166160652941175,
  "dvars_vstd": 0.9970541913092984,
  "efc": 0.5375381180116846,
  "fber": 3691.6748046875,
  "fd_mean": 0.05735315444104882,
  "fd_num": 0,
  "fd_perc": 0.0,
  "fwhm_avg": 1.7537677777777778,
  "fwhm_x": 1.6897633333333333,
  "fwhm_y": 1.9094733333333334,
  "fwhm_z": 1.6620666666666668,
  "gcor": 0.0270147,
  "gsr_x": 0.011497301049530506,
  "gsr_y": 0.033666398376226425,
  "provenance": {
    "md5sum": "fdd6917918ee43c66d785aedae112ea6",
    "settings": {
      "fd_thres": 0.2,
      "testing": false
    },
    "software": "mriqc",
    "version": "22.0.6",
    "webapi_port": null,
    "webapi_url": "https://mriqc.nimh.nih.gov/api/v1"
  },
  "size_t": 528,
  "size_x": 64,
  "size_y": 64,
  "size_z": 42,
  "snr": 5.817659639564785,
  "spacing_tr": 2.5,
  "spacing_x": 3.0,
  "spacing_y": 3.0,
  "spacing_z": 3.0,
  "summary_bg_k": 23.66349675306386,
  "summary_bg_mad": 10.535461069419542,
  "summary_bg_mean": 30.349645614624023,
  "summary_bg_median": 13.134469985961914,
  "summary_bg_n": 96204.0,
  "summary_bg_p05": 3.60037899017334,
  "summary_bg_p95": 111.41610298156735,
  "summary_bg_stdv": 49.93901824951172,
  "summary_fg_k": 0.9217474212142491,
  "summary_fg_mad": 119.2287637850448,
  "summary_fg_mean": 722.8526611328125,
  "summary_fg_median": 709.6704711914062,
  "summary_fg_n": 38552.0,
  "summary_fg_p05": 547.6376159667968,
  "summary_fg_p95": 926.9884582519531,
  "summary_fg_stdv": 121.98397827148438,
  "tsnr": 64.2133260089904
}