{
  "aor": 0.00047700757575757583,
  "aqi": 0.011894633768939393,
  "bids_meta": {
    "EchoTime": 0.03,
    "EffectiveEchoSpacing": 0.0003740633454,
    "FlipAngle": 83,
    "HardcopyDeviceSoftwareVersion": "syngo MR B17",
    "MagneticFieldStrength": 3,
    "Manufacturer": "Siemens",
    "ManufacturerModelName": "MAGNETOM Verio",
    "PhaseEncodingDirection": "j-",
    "PulseSequenceType": "echo planar",
    "ReceiveCoilName": "32-channel head coil (Siemens AG, Erlangen, Germany)",
    "RepetitionTime": 2.5,
    "SliceEncodingDirection": "k",
    "SliceTiming": [
      2.45,
      2.39,
      2.33,
      2.27,
      2.21,
      2.152,
      2.092,
      2.032,
      1.972,
      1.912,
      1.852,
      1.792,
      1.732,
      1.672,
      1.615,
      1.555,
      1.495,
      1.435,
      1.375,
      1.315,
      1.255,
      1.195,
      1.135,
      1.075,
      1.017,
      0.957,
      0.897,
      0.837,
      0.777,
      0.718,
      0.657,
      0.597,
      0.537,
      0.477,
      0.42,
      0.36,
      0.3,
      0.24,
      0.18,
      0.12,
      0.06,
      0.0
    ],
    "TaskName": "OP",
    "dataset": "ds000168",
    "modality": "bold",
    "subject_id": "25",
    "task_id": "OP"
  },
  "dummy_trs": 0,
  "dvars_nstd": 23.153046385275132,
  "dvars_std": 1.0803894159582548,
  "dvars_vstd": 0.9775055031309295,
  "efc": 0.5667964097269156,
  "fber": 2252.8955078125,
  "fd_mean": 0.0362089976035412,
  "fd_num": 0,
  "fd_perc": 0.0,
  "fwhm_avg": 1.647491111111111,
  "fwhm_x": 1.5377166666666666,
  "fwhm_y": 1.83373,
  "fwhm_z": 1.5710266666666666,
  "gcor": 0.0512943,
  "gsr_x": 0.015344344079494476,
  "gsr_y": 0.040177714079618454,
  "provenance": {
    "md5sum": "6a90b867325ce6c89e8dd552a1ae39b6",
    "settings": {
      "fd_thres": 0.2,
      "testing": false
    },
    "software": "mriqc",
    "version": "22.0.6",
    "webapi_port": null,
    "webapi_url": "https://mriqc.nimh.nih.gov/api/v1"
  },
  "size_t": 528,
  "size_x": 64,
  "size_y": 64,
  "size_z": 42,
  "snr": 7.084611646054409,
  "spacing_tr": 2.5,
  "spacing_x": 3.0,
  "spacing_y": 3.0,
  "spacing_z": 3.0,
  "summary_bg_k": 10.382690696492038,
  "summary_bg_mad": 12.624583212811778,
  "summary_bg_mean": 39.60004806518555,
  "summary_bg_median": 14.840909957885742,
  "summary_bg_n": 95076.0,
  "summary_bg_p05": 4.41856050491333,
  "summary_bg_p95": 174.6524658203125,
  "summary_bg_stdv": 61.17157745361328,
  "summary_fg_k": 2.307348338320513,
  "summary_fg_mad": 84.0224810378786,
  "summary_fg_mean": 623.4235229492188,
  "summary_fg_median": 620.70458984375,
  "summary_fg_n": 39445.0,
  "summary_fg_p05": 494.807958984375,
  "summary_fg_p95": 760.1549560546874,
  "summary_fg_stdv": 87.6119613647461,
  "tsnr": 54.91338269272819
}