{
  "aor": 0.0009048106060606058,
  "aqi": 0.007115115946969696,
  "bids_meta": {
    "EchoTime": 0.03,
    "EffectiveEchoSpacing": 0.0003740633454,
    "FlipAngle": 83,
    "HardcopyDeviceSoftwareVersion": "syngo MR B17",
    "MagneticFieldStrength": 3,
    "Manufacturer": "Siemens",
    "ManufacturerModelName": "MAGNETOM Verio",
    "PhaseEncodingDirection": "j-",
    "PulseSequenceType": "echo planar",
    "ReceiveCoilName": "32-channel head coil (Siemens AG, Erlangen, Germany)",
    "RepetitionTime": 2.5,
    "SliceEncodingDirection": "k",
    "SliceTiming": [
      2.45,
      2.39,
      2.33,
      2.27,
      2.21,
      2.152,
      2.092,
      2.032,
      1.972,
      1.912,
      1.852,
      1.792,
      1.732,
      1.672,
      1.615,
      1.555,
      1.495,
      1.435,
      1.375,
      1.315,
      1.255,
      1.195,
      1.135,
      1.075,
      1.017,
      0.957,
      0.897,
      0.837,
      0.777,
      0.718,
      0.657,
      0.597,
      0.537,
      0.477,
      0.42,
      0.36,
      0.3,
      0.24,
      0.18,
      0.12,
      0.06,
      0.0
    ],
    "TaskName": "OP",
    "dataset": "ds000168",
    "modality": "bold",
    "subject_id": "08",
    "task_id": "OP"
  },
  "dummy_trs": 0,
  "dvars_nstd": 20.046744334155587,
  "dvars_std": 1.0787500872865279,
  "dvars_vstd": 0.9904719023339661,
  "efc": 0.5772408612084683,
  "fber": 2777.944580078125,
  "fd_mean": 0.029115196675855565,
  "fd_num": 0,
  "fd_perc": 0.0,
  "fwhm_avg": 1.8303259650584824,
  "fwhm_x": 1.68943,
  "fwhm_y": 2.0218271077531225,
  "fwhm_z": 1.7797207874223253,
  "gcor": 0.088576,
  "gsr_x": 0.0015596264274790883,
  "gsr_y": 0.042236000299453735,
  "provenance": {
    "md5sum": "be6fcf39db6298ca47d493bcc65cee58",
    "settings": {
      "fd_thres": 0.2,
      "testing": false
    },
    "software": "mriqc",
    "version": "22.0.6",
    "webapi_port": null,
    "webapi_url": "https://mriqc.nimh.nih.gov/api/v1"
  },
  "size_t": 528,
  "size_x": 64,
  "size_y": 64,
  "size_z": 42,
  "snr": 5.963581928706209,
  "spacing_tr": 2.5,
  "spacing_x": 3.0,
  "spacing_y": 3.000004291534424,
  "spacing_z": 3.000004291534424,
  "summary_bg_k": 17.933296343959558,
  "summary_bg_mad": 12.391522593950642,
  "summary_bg_mean": 39.510215759277344,
  "summary_bg_median": 14.357954978942871,
  "summary_bg_n": 90171.0,
  "summary_bg_p05": 3.534090995788574,
  "summary_bg_p95": 164.7689437866211,
  "summary_bg_stdv": 68.42930603027344,
  "summary_fg_k": 1.8231852076448973,
  "summary_fg_mad": 109.01478916289008,
  "summary_fg_mean": 709.0086669921875,
  "summary_fg_median": 702.54638671875,
  "summary_fg_n": 43034.0,
  "summary_fg_p05": 527.3104370117187,
  "summary_fg_p95": 896.2414855957031,
  "summary_fg_stdv": 117.80474090576172,
  "tsnr": 57.71236710995436
}