{
  "aor": 0.0008555113636363635,
  "aqi": 0.011495729564393941,
  "bids_meta": {
    "EchoTime": 0.03,
    "EffectiveEchoSpacing": 0.0003740633454,
    "FlipAngle": 83,
    "HardcopyDeviceSoftwareVersion": "syngo MR B17",
    "MagneticFieldStrength": 3,
    "Manufacturer": "Siemens",
    "ManufacturerModelName": "MAGNETOM Verio",
    "PhaseEncodingDirection": "j-",
    "PulseSequenceType": "echo planar",
    "ReceiveCoilName": "32-channel head coil (Siemens AG, Erlangen, Germany)",
    "RepetitionTime": 2.5,
    "SliceEncodingDirection": "k",
    "SliceTiming": [
      2.45,
      2.39,
      2.33,
      2.27,
      2.21,
      2.152,
      2.092,
      2.032,
      1.972,
      1.912,
      1.852,
      1.792,
      1.732,
      1.672,
      1.615,
      1.555,
      1.495,
      1.435,
      1.375,
      1.315,
      1.255,
      1.195,
      1.135,
      1.075,
      1.017,
      0.957,
      0.897,
      0.837,
      0.777,
      0.718,
      0.657,
      0.597,
      0.537,
      0.477,
      0.42,
      0.36,
      0.3,
      0.24,
      0.18,
      0.12,
      0.06,
      0.0
    ],
    "TaskName": "OP",
    "dataset": "ds000168",
    "modality": "bold",
    "subject_id": "46",
    "task_id": "OP"
  },
  "dummy_trs": 0,
  "dvars_nstd": 23.90450352388994,
  "dvars_std": 1.1248867132068312,
  "dvars_vstd": 0.9607973294876652,
  "efc": 0.5026109144835305,
  "fber": 4833.79931640625,
  "fd_mean": 0.045508228731823946,
  "fd_num": 0,
  "fd_perc": 0.0,
  "fwhm_avg": 1.6915122222222223,
  "fwhm_x": 1.6008433333333334,
  "fwhm_y": 1.8633433333333331,
  "fwhm_z": 1.6103500000000002,
  "gcor": 0.0931339,
  "gsr_x": -0.0046753184869885445,
  "gsr_y": 0.038216158747673035,
  "provenance": {
    "md5sum": "bd550ac76f4382fa1b84c1ccca385207",
    "settings": {
      "fd_thres": 0.2,
      "testing": false
    },
    "software": "mriqc",
    "version": "22.0.6",
    "webapi_port": null,
    "webapi_url": "https://mriqc.nimh.nih.gov/api/v1"
  },
  "size_t": 528,
  "size_x": 64,
  "size_y": 64,
  "size_z": 42,
  "snr": 6.437562040517407,
  "spacing_tr": 2.5,
  "spacing_x": 3.0,
  "spacing_y": 3.0,
  "spacing_z": 3.0,
  "summary_bg_k": 42.59599730232731,
  "summary_bg_mad": 7.2010108069614,
  "summary_bg_mean": 24.946807861328125,
  "summary_bg_median": 9.542613983154297,
  "summary_bg_n": 104076.0,
  "summary_bg_p05": 3.4696969985961914,
  "summary_bg_p95": 90.84611892700195,
  "summary_bg_stdv": 47.4992790222168,
  "summary_fg_k": 1.0354433510788281,
  "summary_fg_mad": 95.2712186219847,
  "summary_fg_mean": 615.4274291992188,
  "summary_fg_median": 610.1629028320312,
  "summary_fg_n": 32269.0,
  "summary_fg_p05": 480.2628967285156,
  "summary_fg_p95": 770.8450805664061,
  "summary_fg_stdv": 94.78020477294922,
  "tsnr": 52.29034236446023
}