{
  "aor": 0.0004636553030303031,
  "aqi": 0.017394598295454547,
  "bids_meta": {
    "EchoTime": 0.03,
    "EffectiveEchoSpacing": 0.0003740633454,
    "FlipAngle": 83,
    "HardcopyDeviceSoftwareVersion": "syngo MR B17",
    "MagneticFieldStrength": 3,
    "Manufacturer": "Siemens",
    "ManufacturerModelName": "MAGNETOM Verio",
    "PhaseEncodingDirection": "j-",
    "PulseSequenceType": "echo planar",
    "ReceiveCoilName": "32-channel head coil (Siemens AG, Erlangen, Germany)",
    "RepetitionTime": 2.5,
    "SliceEncodingDirection": "k",
    "SliceTiming": [
      2.45,
      2.39,
      2.33,
      2.27,
      2.21,
      2.152,
      2.092,
      2.032,
      1.972,
      1.912,
      1.852,
      1.792,
      1.732,
      1.672,
      1.615,
      1.555,
      1.495,
      1.435,
      1.375,
      1.315,
      1.255,
      1.195,
      1.135,
      1.075,
      1.017,
      0.957,
      0.897,
      0.837,
      0.777,
      0.718,
      0.657,
      0.597,
      0.537,
      0.477,
      0.42,
      0.36,
      0.3,
      0.24,
      0.18,
      0.12,
      0.06,
      0.0
    ],
    "TaskName": "OP",
    "dataset": "ds000168",
    "modality": "bold",
    "subject_id": "10",
    "task_id": "OP"
  },
  "dummy_trs": 0,
  "dvars_nstd": 23.51382607702088,
  "dvars_std": 1.037556310132827,
  "dvars_vstd": 0.9384439340796966,
  "efc": 0.564232401888839,
  "fber": 2207.517578125,
  "fd_mean": 0.03879308536543806,
  "fd_num": 0,
  "fd_perc": 0.0,
  "fwhm_avg": 1.76564,
  "fwhm_x": 1.6562999999999999,
  "fwhm_y": 1.9658066666666667,
  "fwhm_z": 1.6748133333333335,
  "gcor": 0.0250023,
  "gsr_x": 0.020290955901145935,
  "gsr_y": 0.03633856028318405,
  "provenance": {
    "md5sum": "0604b2987e53817a227d0e213f4eaa12",
    "settings": {
      "fd_thres": 0.2,
      "testing": false
    },
    "software": "mriqc",
    "version": "22.0.6",
    "webapi_port": null,
    "webapi_url": "https://mriqc.nimh.nih.gov/api/v1"
  },
  "size_t": 528,
  "size_x": 64,
  "size_y": 64,
  "size_z": 42,
  "snr": 6.582785870175897,
  "spacing_tr": 2.5,
  "spacing_x": 3.0,
  "spacing_y": 3.0,
  "spacing_z": 3.0,
  "summary_bg_k": 16.298477467017072,
  "summary_bg_mad": 14.786710269866067,
  "summary_bg_mean": 41.94154739379883,
  "summary_bg_median": 15.907196998596191,
  "summary_bg_n": 95438.0,
  "summary_bg_p05": 3.7535038948059087,
  "summary_bg_p95": 162.40237121582027,
  "summary_bg_stdv": 68.21460723876953,
  "summary_fg_k": 1.0569865649236094,
  "summary_fg_mad": 97.38001757828685,
  "summary_fg_mean": 655.4998779296875,
  "summary_fg_median": 650.7822265625,
  "summary_fg_n": 38447.0,
  "summary_fg_p05": 504.96421813964844,
  "summary_fg_p95": 812.8971984863281,
  "summary_fg_stdv": 98.85993194580078,
  "tsnr": 43.437549646012485
}