{
  "aor": 0.001466003787878788,
  "aqi": 0.01630385321969697,
  "bids_meta": {
    "EchoTime": 0.03,
    "EffectiveEchoSpacing": 0.0003740633454,
    "FlipAngle": 83,
    "HardcopyDeviceSoftwareVersion": "syngo MR B17",
    "MagneticFieldStrength": 3,
    "Manufacturer": "Siemens",
    "ManufacturerModelName": "MAGNETOM Verio",
    "PhaseEncodingDirection": "j-",
    "PulseSequenceType": "echo planar",
    "ReceiveCoilName": "32-channel head coil (Siemens AG, Erlangen, Germany)",
    "RepetitionTime": 2.5,
    "SliceEncodingDirection": "k",
    "SliceTiming": [
      2.45,
      2.39,
      2.33,
      2.27,
      2.21,
      2.152,
      2.092,
      2.032,
      1.972,
      1.912,
      1.852,
      1.792,
      1.732,
      1.672,
      1.615,
      1.555,
      1.495,
      1.435,
      1.375,
      1.315,
      1.255,
      1.195,
      1.135,
      1.075,
      1.017,
      0.957,
      0.897,
      0.837,
      0.777,
      0.718,
      0.657,
      0.597,
      0.537,
      0.477,
      0.42,
      0.36,
      0.3,
      0.24,
      0.18,
      0.12,
      0.06,
      0.0
    ],
    "TaskName": "OP",
    "dataset": "ds000168",
    "modality": "bold",
    "subject_id": "49",
    "task_id": "OP"
  },
  "dummy_trs": 0,
  "dvars_nstd": 20.70832552187857,
  "dvars_std": 1.025562301821632,
  "dvars_vstd": 0.9732157933396586,
  "efc": 0.5672889679709793,
  "fber": 2354.65185546875,
  "fd_mean": 0.03531764401943668,
  "fd_num": 1,
  "fd_perc": 0.1893939393939394,
  "fwhm_avg": 1.7654555555555556,
  "fwhm_x": 1.6231833333333334,
  "fwhm_y": 1.9881900000000001,
  "fwhm_z": 1.6849933333333331,
  "gcor": 0.017841,
  "gsr_x": 0.02081182599067688,
  "gsr_y": 0.04568193852901459,
  "provenance": {
    "md5sum": "8f996affa3e979f191abe7d28857be59",
    "settings": {
      "fd_thres": 0.2,
      "testing": false
    },
    "software": "mriqc",
    "version": "22.0.6",
    "webapi_port": null,
    "webapi_url": "https://mriqc.nimh.nih.gov/api/v1"
  },
  "size_t": 528,
  "size_x": 64,
  "size_y": 64,
  "size_z": 42,
  "snr": 7.304435502025774,
  "spacing_tr": 2.5,
  "spacing_x": 3.0,
  "spacing_y": 3.0,
  "spacing_z": 3.0,
  "summary_bg_k": 10.11122264160244,
  "summary_bg_mad": 14.053833293931076,
  "summary_bg_mean": 43.77239990234375,
  "summary_bg_median": 15.195075988769531,
  "summary_bg_n": 96017.0,
  "summary_bg_p05": 4.208333492279053,
  "summary_bg_p95": 195.6814453125,
  "summary_bg_stdv": 68.52091979980469,
  "summary_fg_k": 2.716681294900594,
  "summary_fg_mad": 78.01913653225735,
  "summary_fg_mean": 638.1048583984375,
  "summary_fg_median": 636.3143920898438,
  "summary_fg_n": 38367.0,
  "summary_fg_p05": 503.41990356445314,
  "summary_fg_p95": 771.0259643554687,
  "summary_fg_stdv": 87.11228942871094,
  "tsnr": 51.36857120785862
}