{
  "aor": 0.0007043181818181818,
  "aqi": 0.008916253712121212,
  "bids_meta": {
    "EchoTime": 0.03,
    "EffectiveEchoSpacing": 0.0003740633454,
    "FlipAngle": 83,
    "HardcopyDeviceSoftwareVersion": "syngo MR B17",
    "MagneticFieldStrength": 3,
    "Manufacturer": "Siemens",
    "ManufacturerModelName": "MAGNETOM Verio",
    "PhaseEncodingDirection": "j-",
    "PulseSequenceType": "echo planar",
    "ReceiveCoilName": "32-channel head coil (Siemens AG, Erlangen, Germany)",
    "RepetitionTime": 2.5,
    "SliceEncodingDirection": "k",
    "SliceTiming": [
      2.45,
      2.39,
      2.33,
      2.27,
      2.21,
      2.152,
      2.092,
      2.032,
      1.972,
      1.912,
      1.852,
      1.792,
      1.732,
      1.672,
      1.615,
      1.555,
      1.495,
      1.435,
      1.375,
      1.315,
      1.255,
      1.195,
      1.135,
      1.075,
      1.017,
      0.957,
      0.897,
      0.837,
      0.777,
      0.718,
      0.657,
      0.597,
      0.537,
      0.477,
      0.42,
      0.36,
      0.3,
      0.24,
      0.18,
      0.12,
      0.06,
      0.0
    ],
    "TaskName": "OP",
    "dataset": "ds000168",
    "modality": "bold",
    "subject_id": "38",
    "task_id": "OP"
  },
  "dummy_trs": 0,
  "dvars_nstd": 25.98849159421254,
  "dvars_std": 1.232589676280835,
  "dvars_vstd": 0.9923280200569262,
  "efc": 0.5270219409095401,
  "fber": 4016.309814453125,
  "fd_mean": 0.03499172030143326,
  "fd_num": 0,
  "fd_perc": 0.0,
  "fwhm_avg": 1.6371499999999999,
  "fwhm_x": 1.5244,
  "fwhm_y": 1.7953999999999999,
  "fwhm_z": 1.5916499999999998,
  "gcor": 0.0331051,
  "gsr_x": -0.0021499148570001125,
  "gsr_y": 0.03222065046429634,
  "provenance": {
    "md5sum": "da30941f9b142619700049cfa5c4e208",
    "settings": {
      "fd_thres": 0.2,
      "testing": false
    },
    "software": "mriqc",
    "version": "22.0.6",
    "webapi_port": null,
    "webapi_url": "https://mriqc.nimh.nih.gov/api/v1"
  },
  "size_t": 528,
  "size_x": 64,
  "size_y": 64,
  "size_z": 42,
  "snr": 6.165963227019325,
  "spacing_tr": 2.5,
  "spacing_x": 3.0,
  "spacing_y": 3.0,
  "spacing_z": 3.0,
  "summary_bg_k": 35.197249973192896,
  "summary_bg_mad": 8.126233171307767,
  "summary_bg_mean": 23.88458824157715,
  "summary_bg_median": 10.95075798034668,
  "summary_bg_n": 98084.0,
  "summary_bg_p05": 3.990814554691316,
  "summary_bg_p95": 80.21780395507812,
  "summary_bg_stdv": 39.410423278808594,
  "summary_fg_k": 1.3270420793134647,
  "summary_fg_mad": 104.77619737121515,
  "summary_fg_mean": 649.8582763671875,
  "summary_fg_median": 643.57861328125,
  "summary_fg_n": 37010.0,
  "summary_fg_p05": 504.29546813964845,
  "summary_fg_p95": 823.2954101562498,
  "summary_fg_stdv": 104.37459564208984,
  "tsnr": 57.52744034677744
}