{
  "aor": 0.003092575757575758,
  "aqi": 0.012603067083333334,
  "bids_meta": {
    "EchoTime": 0.03,
    "EffectiveEchoSpacing": 0.0003740633454,
    "FlipAngle": 83,
    "HardcopyDeviceSoftwareVersion": "syngo MR B17",
    "MagneticFieldStrength": 3,
    "Manufacturer": "Siemens",
    "ManufacturerModelName": "MAGNETOM Verio",
    "PhaseEncodingDirection": "j-",
    "PulseSequenceType": "echo planar",
    "ReceiveCoilName": "32-channel head coil (Siemens AG, Erlangen, Germany)",
    "RepetitionTime": 2.5,
    "SliceEncodingDirection": "k",
    "SliceTiming": [
      2.45,
      2.39,
      2.33,
      2.27,
      2.21,
      2.152,
      2.092,
      2.032,
      1.972,
      1.912,
      1.852,
      1.792,
      1.732,
      1.672,
      1.615,
      1.555,
      1.495,
      1.435,
      1.375,
      1.315,
      1.255,
      1.195,
      1.135,
      1.075,
      1.017,
      0.957,
      0.897,
      0.837,
      0.777,
      0.718,
      0.657,
      0.597,
      0.537,
      0.477,
      0.42,
      0.36,
      0.3,
      0.24,
      0.18,
      0.12,
      0.06,
      0.0
    ],
    "TaskName": "OP",
    "dataset": "ds000168",
    "modality": "bold",
    "subject_id": "07",
    "task_id": "OP"
  },
  "dummy_trs": 0,
  "dvars_nstd": 25.62409268480075,
  "dvars_std": 1.2689623646489574,
  "dvars_vstd": 1.0159752687855794,
  "efc": 0.5630464146021315,
  "fber": 3175.537109375,
  "fd_mean": 0.04021269278321823,
  "fd_num": 0,
  "fd_perc": 0.0,
  "fwhm_avg": 1.7074033333333334,
  "fwhm_x": 1.6000233333333334,
  "fwhm_y": 1.86596,
  "fwhm_z": 1.6562266666666667,
  "gcor": 0.104483,
  "gsr_x": 0.0003974565479438752,
  "gsr_y": 0.038730863481760025,
  "provenance": {
    "md5sum": "5567a00b6e2070fbc6b5c5eabaaed205",
    "settings": {
      "fd_thres": 0.2,
      "testing": false
    },
    "software": "mriqc",
    "version": "22.0.6",
    "webapi_port": null,
    "webapi_url": "https://mriqc.nimh.nih.gov/api/v1"
  },
  "size_t": 528,
  "size_x": 64,
  "size_y": 64,
  "size_z": 42,
  "snr": 6.5544070959138345,
  "spacing_tr": 2.5,
  "spacing_x": 3.0,
  "spacing_y": 3.0,
  "spacing_z": 3.0,
  "summary_bg_k": 15.52322733062444,
  "summary_bg_mad": 10.310825290836044,
  "summary_bg_mean": 38.50374984741211,
  "summary_bg_median": 12.55113697052002,
  "summary_bg_n": 94913.0,
  "summary_bg_p05": 3.8011364936828613,
  "summary_bg_p95": 165.09432373046863,
  "summary_bg_stdv": 63.65302658081055,
  "summary_fg_k": 2.3918228697685864,
  "summary_fg_mad": 94.51869664633207,
  "summary_fg_mean": 649.0239868164062,
  "summary_fg_median": 642.9962158203125,
  "summary_fg_n": 39257.0,
  "summary_fg_p05": 509.158740234375,
  "summary_fg_p95": 799.8318603515625,
  "summary_fg_stdv": 98.10010528564453,
  "tsnr": 50.69225049763918
}