{
  "aor": 0.0017019507575757574,
  "aqi": 0.009072651117424243,
  "bids_meta": {
    "EchoTime": 0.03,
    "EffectiveEchoSpacing": 0.0003740633454,
    "FlipAngle": 83,
    "HardcopyDeviceSoftwareVersion": "syngo MR B17",
    "MagneticFieldStrength": 3,
    "Manufacturer": "Siemens",
    "ManufacturerModelName": "MAGNETOM Verio",
    "PhaseEncodingDirection": "j-",
    "PulseSequenceType": "echo planar",
    "ReceiveCoilName": "32-channel head coil (Siemens AG, Erlangen, Germany)",
    "RepetitionTime": 2.5,
    "SliceEncodingDirection": "k",
    "SliceTiming": [
      2.45,
      2.39,
      2.33,
      2.27,
      2.21,
      2.152,
      2.092,
      2.032,
      1.972,
      1.912,
      1.852,
      1.792,
      1.732,
      1.672,
      1.615,
      1.555,
      1.495,
      1.435,
      1.375,
      1.315,
      1.255,
      1.195,
      1.135,
      1.075,
      1.017,
      0.957,
      0.897,
      0.837,
      0.777,
      0.718,
      0.657,
      0.597,
      0.537,
      0.477,
      0.42,
      0.36,
      0.3,
      0.24,
      0.18,
      0.12,
      0.06,
      0.0
    ],
    "TaskName": "OP",
    "dataset": "ds000168",
    "modality": "bold",
    "subject_id": "39",
    "task_id": "OP"
  },
  "dummy_trs": 0,
  "dvars_nstd": 24.17332779523719,
  "dvars_std": 1.127442441157496,
  "dvars_vstd": 1.0113231525806456,
  "efc": 0.5431943838506572,
  "fber": 2820.160400390625,
  "fd_mean": 0.044974983034119426,
  "fd_num": 4,
  "fd_perc": 0.7575757575757576,
  "fwhm_avg": 1.649207472218454,
  "fwhm_x": 1.5688933333333335,
  "fwhm_y": 1.8300079755903707,
  "fwhm_z": 1.5487211077316578,
  "gcor": 0.0502122,
  "gsr_x": 0.009481535293161869,
  "gsr_y": 0.040441595017910004,
  "provenance": {
    "md5sum": "e783438c04774478825c649e305ef2d8",
    "settings": {
      "fd_thres": 0.2,
      "testing": false
    },
    "software": "mriqc",
    "version": "22.0.6",
    "webapi_port": null,
    "webapi_url": "https://mriqc.nimh.nih.gov/api/v1"
  },
  "size_t": 528,
  "size_x": 64,
  "size_y": 64,
  "size_z": 42,
  "snr": 6.696272527906403,
  "spacing_tr": 2.5,
  "spacing_x": 3.0,
  "spacing_y": 2.999997854232788,
  "spacing_z": 2.999997854232788,
  "summary_bg_k": 25.126088658870227,
  "summary_bg_mad": 12.399945313348795,
  "summary_bg_mean": 37.43342971801758,
  "summary_bg_median": 14.405303001403809,
  "summary_bg_n": 98642.0,
  "summary_bg_p05": 4.113636493682861,
  "summary_bg_p95": 153.6830528259277,
  "summary_bg_stdv": 58.146484375,
  "summary_fg_k": 1.9790910464043021,
  "summary_fg_mad": 95.65589525961089,
  "summary_fg_mean": 682.3086547851562,
  "summary_fg_median": 680.2916870117188,
  "summary_fg_n": 35931.0,
  "summary_fg_p05": 527.3806762695312,
  "summary_fg_p95": 841.1752319335938,
  "summary_fg_stdv": 101.59117889404297,
  "tsnr": 57.448856132570654
}