{
  "aor": 0.0017556818181818183,
  "aqi": 0.009370290511363635,
  "bids_meta": {
    "EchoTime": 0.03,
    "EffectiveEchoSpacing": 0.0003740633454,
    "FlipAngle": 83,
    "HardcopyDeviceSoftwareVersion": "syngo MR B17",
    "MagneticFieldStrength": 3,
    "Manufacturer": "Siemens",
    "ManufacturerModelName": "MAGNETOM Verio",
    "PhaseEncodingDirection": "j-",
    "PulseSequenceType": "echo planar",
    "ReceiveCoilName": "32-channel head coil (Siemens AG, Erlangen, Germany)",
    "RepetitionTime": 2.5,
    "SliceEncodingDirection": "k",
    "SliceTiming": [
      2.45,
      2.39,
      2.33,
      2.27,
      2.21,
      2.152,
      2.092,
      2.032,
      1.972,
      1.912,
      1.852,
      1.792,
      1.732,
      1.672,
      1.615,
      1.555,
      1.495,
      1.435,
      1.375,
      1.315,
      1.255,
      1.195,
      1.135,
      1.075,
      1.017,
      0.957,
      0.897,
      0.837,
      0.777,
      0.718,
      0.657,
      0.597,
      0.537,
      0.477,
      0.42,
      0.36,
      0.3,
      0.24,
      0.18,
      0.12,
      0.06,
      0.0
    ],
    "TaskName": "OP",
    "dataset": "ds000168",
    "modality": "bold",
    "subject_id": "47",
    "task_id": "OP"
  },
  "dummy_trs": 0,
  "dvars_nstd": 22.96240959322583,
  "dvars_std": 1.1333765185768492,
  "dvars_vstd": 1.0000656210246677,
  "efc": 0.531370398206954,
  "fber": 3115.9951171875,
  "fd_mean": 0.0407216255316475,
  "fd_num": 7,
  "fd_perc": 1.3257575757575757,
  "fwhm_avg": 1.68861,
  "fwhm_x": 1.6222533333333333,
  "fwhm_y": 1.8476033333333335,
  "fwhm_z": 1.5959733333333332,
  "gcor": 0.0548623,
  "gsr_x": 0.010529687628149986,
  "gsr_y": 0.026012802496552467,
  "provenance": {
    "md5sum": "ca70f28fd1ee09e10778e82a05841170",
    "settings": {
      "fd_thres": 0.2,
      "testing": false
    },
    "software": "mriqc",
    "version": "22.0.6",
    "webapi_port": null,
    "webapi_url": "https://mriqc.nimh.nih.gov/api/v1"
  },
  "size_t": 528,
  "size_x": 64,
  "size_y": 64,
  "size_z": 42,
  "snr": 6.73175741743403,
  "spacing_tr": 2.5,
  "spacing_x": 3.0,
  "spacing_y": 3.0,
  "spacing_z": 3.0,
  "summary_bg_k": 26.52115390561952,
  "summary_bg_mad": 10.190082207786743,
  "summary_bg_mean": 33.18068313598633,
  "summary_bg_median": 11.979166984558105,
  "summary_bg_n": 102011.0,
  "summary_bg_p05": 3.70643949508667,
  "summary_bg_p95": 132.03693389892578,
  "summary_bg_stdv": 56.52976608276367,
  "summary_fg_k": 1.5650835903009517,
  "summary_fg_mad": 88.77922348282279,
  "summary_fg_mean": 619.92041015625,
  "summary_fg_median": 614.4337158203125,
  "summary_fg_n": 34203.0,
  "summary_fg_p05": 487.5613677978516,
  "summary_fg_p95": 765.3969970703123,
  "summary_fg_stdv": 91.2725601196289,
  "tsnr": 57.09615078661591
}