{
  "aor": 0.000999715909090909,
  "aqi": 0.006618350397727273,
  "bids_meta": {
    "EchoTime": 0.03,
    "EffectiveEchoSpacing": 0.0003740633454,
    "FlipAngle": 83,
    "HardcopyDeviceSoftwareVersion": "syngo MR B17",
    "MagneticFieldStrength": 3,
    "Manufacturer": "Siemens",
    "ManufacturerModelName": "MAGNETOM Verio",
    "PhaseEncodingDirection": "j-",
    "PulseSequenceType": "echo planar",
    "ReceiveCoilName": "32-channel head coil (Siemens AG, Erlangen, Germany)",
    "RepetitionTime": 2.5,
    "SliceEncodingDirection": "k",
    "SliceTiming": [
      2.45,
      2.39,
      2.33,
      2.27,
      2.21,
      2.152,
      2.092,
      2.032,
      1.972,
      1.912,
      1.852,
      1.792,
      1.732,
      1.672,
      1.615,
      1.555,
      1.495,
      1.435,
      1.375,
      1.315,
      1.255,
      1.195,
      1.135,
      1.075,
      1.017,
      0.957,
      0.897,
      0.837,
      0.777,
      0.718,
      0.657,
      0.597,
      0.537,
      0.477,
      0.42,
      0.36,
      0.3,
      0.24,
      0.18,
      0.12,
      0.06,
      0.0
    ],
    "TaskName": "OP",
    "dataset": "ds000168",
    "modality": "bold",
    "subject_id": "12",
    "task_id": "OP"
  },
  "dummy_trs": 0,
  "dvars_nstd": 18.966147906148034,
  "dvars_std": 1.0927233771726754,
  "dvars_vstd": 0.9931577487666032,
  "efc": 0.5931502776566462,
  "fber": 2654.810302734375,
  "fd_mean": 0.022193469827473646,
  "fd_num": 0,
  "fd_perc": 0.0,
  "fwhm_avg": 1.8936533333333336,
  "fwhm_x": 1.7283266666666668,
  "fwhm_y": 2.125356666666667,
  "fwhm_z": 1.8272766666666669,
  "gcor": 0.0338023,
  "gsr_x": 0.01295433472841978,
  "gsr_y": 0.04785614833235741,
  "provenance": {
    "md5sum": "e773becd2f498b747f099e5702de8b58",
    "settings": {
      "fd_thres": 0.2,
      "testing": false
    },
    "software": "mriqc",
    "version": "22.0.6",
    "webapi_port": null,
    "webapi_url": "https://mriqc.nimh.nih.gov/api/v1"
  },
  "size_t": 528,
  "size_x": 64,
  "size_y": 64,
  "size_z": 42,
  "snr": 5.988959719423606,
  "spacing_tr": 2.5,
  "spacing_x": 3.0,
  "spacing_y": 3.0,
  "spacing_z": 3.0,
  "summary_bg_k": 19.9689123595169,
  "summary_bg_mad": 14.362708991773019,
  "summary_bg_mean": 44.28898620605469,
  "summary_bg_median": 16.94507598876953,
  "summary_bg_n": 85983.0,
  "summary_bg_p05": 4.621212482452393,
  "summary_bg_p95": 182.98106231689442,
  "summary_bg_stdv": 74.069091796875,
  "summary_fg_k": 0.8520683801472968,
  "summary_fg_mad": 126.69235926723007,
  "summary_fg_mean": 793.3392944335938,
  "summary_fg_median": 794.1837158203125,
  "summary_fg_n": 46673.0,
  "summary_fg_p05": 561.0185546875,
  "summary_fg_p95": 996.8360229492188,
  "summary_fg_stdv": 132.60653686523438,
  "tsnr": 60.671552937012166
}