{
  "aor": 0.0011849715370018973,
  "aqi": 0.015792908045540798,
  "bids_meta": {
    "EchoTime": 0.03,
    "EffectiveEchoSpacing": 0.0003740633454,
    "FlipAngle": 83,
    "HardcopyDeviceSoftwareVersion": "syngo MR B17",
    "MagneticFieldStrength": 3,
    "Manufacturer": "Siemens",
    "ManufacturerModelName": "MAGNETOM Verio",
    "PhaseEncodingDirection": "j-",
    "PulseSequenceType": "echo planar",
    "ReceiveCoilName": "32-channel head coil (Siemens AG, Erlangen, Germany)",
    "RepetitionTime": 2.5,
    "SliceEncodingDirection": "k",
    "SliceTiming": [
      2.45,
      2.39,
      2.33,
      2.27,
      2.21,
      2.152,
      2.092,
      2.032,
      1.972,
      1.912,
      1.852,
      1.792,
      1.732,
      1.672,
      1.615,
      1.555,
      1.495,
      1.435,
      1.375,
      1.315,
      1.255,
      1.195,
      1.135,
      1.075,
      1.017,
      0.957,
      0.897,
      0.837,
      0.777,
      0.718,
      0.657,
      0.597,
      0.537,
      0.477,
      0.42,
      0.36,
      0.3,
      0.24,
      0.18,
      0.12,
      0.06,
      0.0
    ],
    "TaskName": "OP",
    "dataset": "ds000168",
    "modality": "bold",
    "subject_id": "30",
    "task_id": "OP"
  },
  "dummy_trs": 1,
  "dvars_nstd": 23.354384654391655,
  "dvars_std": 1.061301255741445,
  "dvars_vstd": 0.9471809138593154,
  "efc": 0.5014580313294037,
  "fber": 4146.22412109375,
  "fd_mean": 0.047411681017990905,
  "fd_num": 4,
  "fd_perc": 0.7590132827324478,
  "fwhm_avg": 1.6427819102923493,
  "fwhm_x": 1.5763366666666665,
  "fwhm_y": 1.800071287511316,
  "fwhm_z": 1.5519377766990654,
  "gcor": 0.0504119,
  "gsr_x": 0.0018738247454166412,
  "gsr_y": 0.017078641802072525,
  "provenance": {
    "md5sum": "2f260adf318fc69d7359a1be0a791598",
    "settings": {
      "fd_thres": 0.2,
      "testing": false
    },
    "software": "mriqc",
    "version": "22.0.6",
    "webapi_port": null,
    "webapi_url": "https://mriqc.nimh.nih.gov/api/v1"
  },
  "size_t": 527,
  "size_x": 64,
  "size_y": 64,
  "size_z": 42,
  "snr": 6.641145432187605,
  "spacing_tr": 2.5,
  "spacing_x": 3.0,
  "spacing_y": 2.999997854232788,
  "spacing_z": 2.999997854232788,
  "summary_bg_k": 45.34501087280677,
  "summary_bg_mad": 5.87695634834044,
  "summary_bg_mean": 16.522693634033203,
  "summary_bg_median": 7.8368120193481445,
  "summary_bg_n": 103890.0,
  "summary_bg_p05": 2.81593918800354,
  "summary_bg_p95": 54.457493782043414,
  "summary_bg_stdv": 27.783201217651367,
  "summary_fg_k": 1.3206033584030141,
  "summary_fg_mad": 68.76237420669396,
  "summary_fg_mean": 453.2934875488281,
  "summary_fg_median": 452.1138610839844,
  "summary_fg_n": 32951.0,
  "summary_fg_p05": 353.7675476074219,
  "summary_fg_p95": 561.8263549804688,
  "summary_fg_stdv": 68.07666015625,
  "tsnr": 46.61195835727267
}