{
  "aor": 0.0020960606060606065,
  "aqi": 0.018147469109848487,
  "bids_meta": {
    "EchoTime": 0.03,
    "EffectiveEchoSpacing": 0.0003740633454,
    "FlipAngle": 83,
    "HardcopyDeviceSoftwareVersion": "syngo MR B17",
    "MagneticFieldStrength": 3,
    "Manufacturer": "Siemens",
    "ManufacturerModelName": "MAGNETOM Verio",
    "PhaseEncodingDirection": "j-",
    "PulseSequenceType": "echo planar",
    "ReceiveCoilName": "32-channel head coil (Siemens AG, Erlangen, Germany)",
    "RepetitionTime": 2.5,
    "SliceEncodingDirection": "k",
    "SliceTiming": [
      2.45,
      2.39,
      2.33,
      2.27,
      2.21,
      2.152,
      2.092,
      2.032,
      1.972,
      1.912,
      1.852,
      1.792,
      1.732,
      1.672,
      1.615,
      1.555,
      1.495,
      1.435,
      1.375,
      1.315,
      1.255,
      1.195,
      1.135,
      1.075,
      1.017,
      0.957,
      0.897,
      0.837,
      0.777,
      0.718,
      0.657,
      0.597,
      0.537,
      0.477,
      0.42,
      0.36,
      0.3,
      0.24,
      0.18,
      0.12,
      0.06,
      0.0
    ],
    "TaskName": "OP",
    "dataset": "ds000168",
    "modality": "bold",
    "subject_id": "27",
    "task_id": "OP"
  },
  "dummy_trs": 0,
  "dvars_nstd": 25.259454955142317,
  "dvars_std": 1.0288702622770403,
  "dvars_vstd": 0.9513636499430747,
  "efc": 0.5389571037064683,
  "fber": 2499.38525390625,
  "fd_mean": 0.08452700518965517,
  "fd_num": 45,
  "fd_perc": 8.522727272727273,
  "fwhm_avg": 1.6698036920230734,
  "fwhm_x": 1.62439,
  "fwhm_y": 1.8048872404248684,
  "fwhm_z": 1.580133835644352,
  "gcor": 0.172722,
  "gsr_x": 0.020803119987249374,
  "gsr_y": 0.020707622170448303,
  "provenance": {
    "md5sum": "03b392593c4ebff0363ab82c65eda1d8",
    "settings": {
      "fd_thres": 0.2,
      "testing": false
    },
    "software": "mriqc",
    "version": "22.0.6",
    "webapi_port": null,
    "webapi_url": "https://mriqc.nimh.nih.gov/api/v1"
  },
  "size_t": 528,
  "size_x": 64,
  "size_y": 64,
  "size_z": 42,
  "snr": 6.79870196476062,
  "spacing_tr": 2.5,
  "spacing_x": 3.0,
  "spacing_y": 2.9999990463256836,
  "spacing_z": 2.9999990463256836,
  "summary_bg_k": 24.37348360991879,
  "summary_bg_mad": 12.20058193471873,
  "summary_bg_mean": 33.754695892333984,
  "summary_bg_median": 13.994318962097168,
  "summary_bg_n": 99573.0,
  "summary_bg_p05": 3.0246212482452393,
  "summary_bg_p95": 133.19660034179657,
  "summary_bg_stdv": 59.16621780395508,
  "summary_fg_k": 3.618551525683369,
  "summary_fg_mad": 77.54740768917448,
  "summary_fg_mean": 643.5133056640625,
  "summary_fg_median": 638.8333740234375,
  "summary_fg_n": 35979.0,
  "summary_fg_p05": 505.9708557128906,
  "summary_fg_p95": 787.5303344726562,
  "summary_fg_stdv": 93.96271514892578,
  "tsnr": 42.14896606653929
}