{
  "aor": 0.0030725189393939396,
  "aqi": 0.013115177613636364,
  "bids_meta": {
    "EchoTime": 0.03,
    "EffectiveEchoSpacing": 0.0003740633454,
    "FlipAngle": 83,
    "HardcopyDeviceSoftwareVersion": "syngo MR B17",
    "MagneticFieldStrength": 3,
    "Manufacturer": "Siemens",
    "ManufacturerModelName": "MAGNETOM Verio",
    "PhaseEncodingDirection": "j-",
    "PulseSequenceType": "echo planar",
    "ReceiveCoilName": "32-channel head coil (Siemens AG, Erlangen, Germany)",
    "RepetitionTime": 2.5,
    "SliceEncodingDirection": "k",
    "SliceTiming": [
      2.45,
      2.39,
      2.33,
      2.27,
      2.21,
      2.152,
      2.092,
      2.032,
      1.972,
      1.912,
      1.852,
      1.792,
      1.732,
      1.672,
      1.615,
      1.555,
      1.495,
      1.435,
      1.375,
      1.315,
      1.255,
      1.195,
      1.135,
      1.075,
      1.017,
      0.957,
      0.897,
      0.837,
      0.777,
      0.718,
      0.657,
      0.597,
      0.537,
      0.477,
      0.42,
      0.36,
      0.3,
      0.24,
      0.18,
      0.12,
      0.06,
      0.0
    ],
    "TaskName": "OP",
    "dataset": "ds000168",
    "modality": "bold",
    "subject_id": "37",
    "task_id": "OP"
  },
  "dummy_trs": 0,
  "dvars_nstd": 24.298362018880436,
  "dvars_std": 1.145676610151803,
  "dvars_vstd": 1.0091173455218212,
  "efc": 0.539484767955437,
  "fber": 2393.3369140625,
  "fd_mean": 0.05159438149356353,
  "fd_num": 3,
  "fd_perc": 0.5681818181818182,
  "fwhm_avg": 1.748697777777778,
  "fwhm_x": 1.60247,
  "fwhm_y": 1.9763666666666666,
  "fwhm_z": 1.6672566666666666,
  "gcor": 0.0487154,
  "gsr_x": 0.007908334024250507,
  "gsr_y": 0.037276577204465866,
  "provenance": {
    "md5sum": "23d34f6edcf8c0b464ded5a9b76ec50e",
    "settings": {
      "fd_thres": 0.2,
      "testing": false
    },
    "software": "mriqc",
    "version": "22.0.6",
    "webapi_port": null,
    "webapi_url": "https://mriqc.nimh.nih.gov/api/v1"
  },
  "size_t": 528,
  "size_x": 64,
  "size_y": 64,
  "size_z": 42,
  "snr": 7.092620428697107,
  "spacing_tr": 2.5,
  "spacing_x": 3.0,
  "spacing_y": 3.0,
  "spacing_z": 3.0,
  "summary_bg_k": 24.507407656590708,
  "summary_bg_mad": 15.967457255107814,
  "summary_bg_mean": 41.2266845703125,
  "summary_bg_median": 16.912879943847656,
  "summary_bg_n": 101038.0,
  "summary_bg_p05": 3.60037899017334,
  "summary_bg_p95": 159.1131614685058,
  "summary_bg_stdv": 65.74091339111328,
  "summary_fg_k": 1.9554152427185274,
  "summary_fg_mad": 90.27304656772822,
  "summary_fg_mean": 726.0538330078125,
  "summary_fg_median": 725.900634765625,
  "summary_fg_n": 34924.0,
  "summary_fg_p05": 559.6182830810546,
  "summary_fg_p95": 884.3504028320312,
  "summary_fg_stdv": 102.34443664550781,
  "tsnr": 51.368533763685264
}