{
  "aor": 0.001734318181818182,
  "aqi": 0.012845287329545456,
  "bids_meta": {
    "EchoTime": 0.03,
    "EffectiveEchoSpacing": 0.0003740633454,
    "FlipAngle": 83,
    "HardcopyDeviceSoftwareVersion": "syngo MR B17",
    "MagneticFieldStrength": 3,
    "Manufacturer": "Siemens",
    "ManufacturerModelName": "MAGNETOM Verio",
    "PhaseEncodingDirection": "j-",
    "PulseSequenceType": "echo planar",
    "ReceiveCoilName": "32-channel head coil (Siemens AG, Erlangen, Germany)",
    "RepetitionTime": 2.5,
    "SliceEncodingDirection": "k",
    "SliceTiming": [
      2.45,
      2.39,
      2.33,
      2.27,
      2.21,
      2.152,
      2.092,
      2.032,
      1.972,
      1.912,
      1.852,
      1.792,
      1.732,
      1.672,
      1.615,
      1.555,
      1.495,
      1.435,
      1.375,
      1.315,
      1.255,
      1.195,
      1.135,
      1.075,
      1.017,
      0.957,
      0.897,
      0.837,
      0.777,
      0.718,
      0.657,
      0.597,
      0.537,
      0.477,
      0.42,
      0.36,
      0.3,
      0.24,
      0.18,
      0.12,
      0.06,
      0.0
    ],
    "TaskName": "OP",
    "dataset": "ds000168",
    "modality": "bold",
    "subject_id": "05",
    "task_id": "OP"
  },
  "dummy_trs": 0,
  "dvars_nstd": 26.68669302146111,
  "dvars_std": 1.108316251916508,
  "dvars_vstd": 0.9508599362239086,
  "efc": 0.5984553857942602,
  "fber": 1718.7508544921875,
  "fd_mean": 0.0506118688742518,
  "fd_num": 1,
  "fd_perc": 0.1893939393939394,
  "fwhm_avg": 1.8213060004906116,
  "fwhm_x": 1.7366766666666666,
  "fwhm_y": 1.892267293089924,
  "fwhm_z": 1.8349740417152443,
  "gcor": 0.114565,
  "gsr_x": 0.01890747807919979,
  "gsr_y": 0.03524288907647133,
  "provenance": {
    "md5sum": "71374dfa1fc3241835d65d8611390eae",
    "settings": {
      "fd_thres": 0.2,
      "testing": false
    },
    "software": "mriqc",
    "version": "22.0.6",
    "webapi_port": null,
    "webapi_url": "https://mriqc.nimh.nih.gov/api/v1"
  },
  "size_t": 528,
  "size_x": 64,
  "size_y": 64,
  "size_z": 42,
  "snr": 5.257621219973449,
  "spacing_tr": 2.5,
  "spacing_x": 3.0,
  "spacing_y": 3.000004291534424,
  "spacing_z": 3.000004291534424,
  "summary_bg_k": 18.65922906988384,
  "summary_bg_mad": 16.686294362326368,
  "summary_bg_mean": 49.39970779418945,
  "summary_bg_median": 20.558712005615234,
  "summary_bg_n": 85312.0,
  "summary_bg_p05": 4.040814685821534,
  "summary_bg_p95": 204.14356307983385,
  "summary_bg_stdv": 79.7298583984375,
  "summary_fg_k": 0.5663553766825276,
  "summary_fg_mad": 142.22031903828145,
  "summary_fg_mean": 788.3394775390625,
  "summary_fg_median": 776.8068237304688,
  "summary_fg_n": 47307.0,
  "summary_fg_p05": 558.7971740722656,
  "summary_fg_p95": 1035.9369506835935,
  "summary_fg_stdv": 147.74716186523438,
  "tsnr": 42.18848850438371
}