{
  "aor": 0.0008101325757575757,
  "aqi": 0.011613045227272727,
  "bids_meta": {
    "EchoTime": 0.03,
    "EffectiveEchoSpacing": 0.0003740633454,
    "FlipAngle": 83,
    "HardcopyDeviceSoftwareVersion": "syngo MR B17",
    "MagneticFieldStrength": 3,
    "Manufacturer": "Siemens",
    "ManufacturerModelName": "MAGNETOM Verio",
    "PhaseEncodingDirection": "j-",
    "PulseSequenceType": "echo planar",
    "ReceiveCoilName": "32-channel head coil (Siemens AG, Erlangen, Germany)",
    "RepetitionTime": 2.5,
    "SliceEncodingDirection": "k",
    "SliceTiming": [
      2.45,
      2.39,
      2.33,
      2.27,
      2.21,
      2.152,
      2.092,
      2.032,
      1.972,
      1.912,
      1.852,
      1.792,
      1.732,
      1.672,
      1.615,
      1.555,
      1.495,
      1.435,
      1.375,
      1.315,
      1.255,
      1.195,
      1.135,
      1.075,
      1.017,
      0.957,
      0.897,
      0.837,
      0.777,
      0.718,
      0.657,
      0.597,
      0.537,
      0.477,
      0.42,
      0.36,
      0.3,
      0.24,
      0.18,
      0.12,
      0.06,
      0.0
    ],
    "TaskName": "OP",
    "dataset": "ds000168",
    "modality": "bold",
    "subject_id": "03",
    "task_id": "OP"
  },
  "dummy_trs": 0,
  "dvars_nstd": 25.76069072144213,
  "dvars_std": 1.0374593238330176,
  "dvars_vstd": 0.9711693670588232,
  "efc": 0.5890120169532742,
  "fber": 1364.2830810546875,
  "fd_mean": 0.058059354722352866,
  "fd_num": 7,
  "fd_perc": 1.3257575757575757,
  "fwhm_avg": 1.7249854678211411,
  "fwhm_x": 1.69381,
  "fwhm_y": 1.8715147331165052,
  "fwhm_z": 1.6096316703469185,
  "gcor": 0.173426,
  "gsr_x": 0.021225474774837494,
  "gsr_y": 0.03046792931854725,
  "provenance": {
    "md5sum": "0d1b9ab2ed9943e0e7039915144ad578",
    "settings": {
      "fd_thres": 0.2,
      "testing": false
    },
    "software": "mriqc",
    "version": "22.0.6",
    "webapi_port": null,
    "webapi_url": "https://mriqc.nimh.nih.gov/api/v1"
  },
  "size_t": 528,
  "size_x": 64,
  "size_y": 64,
  "size_z": 42,
  "snr": 5.778193462846623,
  "spacing_tr": 2.5,
  "spacing_x": 3.0,
  "spacing_y": 3.0000030994415283,
  "spacing_z": 3.0000030994415283,
  "summary_bg_k": 30.106470317220577,
  "summary_bg_mad": 15.732994381426616,
  "summary_bg_mean": 40.191802978515625,
  "summary_bg_median": 18.60984992980957,
  "summary_bg_n": 89338.0,
  "summary_bg_p05": 4.776515483856201,
  "summary_bg_p95": 154.10426864624014,
  "summary_bg_stdv": 60.59648132324219,
  "summary_fg_k": 1.9274196484594412,
  "summary_fg_mad": 96.34100154600651,
  "summary_fg_mean": 615.6144409179688,
  "summary_fg_median": 610.4962158203125,
  "summary_fg_n": 44089.0,
  "summary_fg_p05": 459.8068359375,
  "summary_fg_p95": 782.840185546875,
  "summary_fg_stdv": 105.65400695800781,
  "tsnr": 43.054073554230854
}